{
  "aor": 0.009086323232323234,
  "aqi": 0.01862170905050505,
  "bids_meta": {
    "AcquisitionMatrixPE": 64,
    "AcquisitionNumber": 1,
    "AcquisitionTime": "19:38:40.977500",
    "BaseResolution": 64,
    "ConversionSoftware": "dcm2niix",
    "ConversionSoftwareVersion": "v1.0.20180518 GCC4.8.5",
    "DeviceSerialNumber": "20413",
    "EchoTime": 0.03,
    "FlipAngle": 87,
    "ImageOrientationPatientDICOM": [
      1,
      -1.11022e-16,
      -6.93889e-18,
      1.11022e-16,
      0.994151,
      -0.107999
    ],
    "ImageType": [
      "ORIGINAL",
      "PRIMARY",
      "M",
      "ND",
      "MOSAIC"
    ],
    "InPlanePhaseEncodingDirectionDICOM": "COL",
    "InstitutionAddress": "washington_avegreenhall_BDD552_new_jersey_08544_US",
    "InstitutionName": "Princeton_University",
    "MRAcquisitionType": "2D",
    "MagneticFieldStrength": 3,
    "Manufacturer": "Siemens",
    "ManufacturersModelName": "Allegra",
    "Modality": "MR",
    "PartialFourier": 1,
    "PatientPosition": "HFS",
    "PercentPhaseFOV": 100,
    "PhaseEncodingDirection": "j-",
    "PhaseEncodingSteps": 64,
    "PhaseResolution": 1,
    "PixelBandwidth": 1420,
    "ProcedureStepDescription": "BotvinickLab_Amitai",
    "ProtocolName": "ep2d_FRG",
    "PulseSequenceDetails": "%SiemensSeq%_ep2d_bold",
    "ReceiveCoilName": "Head_3T",
    "ReconMatrixPE": 64,
    "RepetitionTime": 3,
    "SAR": 0.0516133,
    "ScanOptions": "FS",
    "ScanningSequence": "SE_EP",
    "SequenceName": "_epfid2d1_64",
    "SequenceVariant": "SK",
    "SeriesDescription": "ep2d_FRG",
    "SeriesNumber": 6,
    "ShimSetting": [
      -38,
      -25,
      119,
      160,
      1531,
      962,
      -280,
      -40
    ],
    "SliceThickness": 3,
    "SoftwareVersions": "syngo_MR_2004A_4VA25A",
    "SpacingBetweenSlices": 3,
    "StationName": "MRC20413",
    "TaskName": "forage-engage decision task",
    "TxRefAmp": 151.878,
    "dataset": "ds001923",
    "modality": "bold",
    "run_id": 3,
    "subject_id": "04",
    "task_id": "forage"
  },
  "dummy_trs": 0,
  "dvars_nstd": 29.002622079433205,
  "dvars_std": 1.104014522995953,
  "dvars_vstd": 0.990583639028341,
  "efc": 0.5768084589454627,
  "fber": 1610.5445556640625,
  "fd_mean": 0.11351697531895963,
  "fd_num": 46,
  "fd_perc": 9.292929292929292,
  "fwhm_avg": 1.9490244444444444,
  "fwhm_x": 1.8224733333333332,
  "fwhm_y": 2.12805,
  "fwhm_z": 1.8965500000000002,
  "gcor": 0.0597823,
  "gsr_x": -0.018784910440444946,
  "gsr_y": 0.05454494059085846,
  "provenance": {
    "md5sum": "caf9e0f79792be78f0cf241620af9430",
    "settings": {
      "fd_thres": 0.2,
      "testing": false
    },
    "software": "mriqc",
    "version": "22.0.6",
    "webapi_port": null,
    "webapi_url": "https://mriqc.nimh.nih.gov/api/v1"
  },
  "size_t": 495,
  "size_x": 64,
  "size_y": 64,
  "size_z": 43,
  "snr": 5.133236930508497,
  "spacing_tr": 3.0,
  "spacing_x": 3.0,
  "spacing_y": 3.0,
  "spacing_z": 3.0,
  "summary_bg_k": 18.85672821203212,
  "summary_bg_mad": 10.069715227366267,
  "summary_bg_mean": 37.258262634277344,
  "summary_bg_median": 16.15151596069336,
  "summary_bg_n": 94245.0,
  "summary_bg_p05": 8.129293441772461,
  "summary_bg_p95": 137.60404357910159,
  "summary_bg_stdv": 55.920623779296875,
  "summary_fg_k": 3.258760234092991,
  "summary_fg_mad": 113.41309731904639,
  "summary_fg_mean": 699.8037109375,
  "summary_fg_median": 683.4141845703125,
  "summary_fg_n": 42722.0,
  "summary_fg_p05": 526.8854919433594,
  "summary_fg_p95": 911.9466003417969,
  "summary_fg_stdv": 133.13357543945312,
  "tsnr": 38.76647935062647
}