{
  "aor": 0.0007656435643564356,
  "aqi": 0.0114549379009901,
  "bids_meta": {
    "AcquisitionMatrixPE": 64,
    "AcquisitionNumber": 1,
    "AcquisitionTime": "15:40:35.542490",
    "BaseResolution": 64,
    "ConversionSoftware": "dcm2niix",
    "ConversionSoftwareVersion": "v1.0.20180518 GCC4.8.5",
    "DeviceSerialNumber": "20413",
    "EchoTime": 0.03,
    "FlipAngle": 87,
    "ImageOrientationPatientDICOM": [
      1,
      0,
      0,
      0,
      0.866025,
      -0.5
    ],
    "ImageType": [
      "ORIGINAL",
      "PRIMARY",
      "M",
      "ND",
      "MOSAIC"
    ],
    "InPlanePhaseEncodingDirectionDICOM": "COL",
    "InstitutionAddress": "washington_avegreenhall_BDD552_new_jersey_08544_US",
    "InstitutionName": "Princeton_University",
    "MRAcquisitionType": "2D",
    "MagneticFieldStrength": 3,
    "Manufacturer": "Siemens",
    "ManufacturersModelName": "Allegra",
    "Modality": "MR",
    "PartialFourier": 1,
    "PatientPosition": "HFS",
    "PercentPhaseFOV": 100,
    "PhaseEncodingDirection": "j-",
    "PhaseEncodingSteps": 64,
    "PhaseResolution": 1,
    "PixelBandwidth": 1420,
    "ProcedureStepDescription": "BotvinickLab_Amitai",
    "ProtocolName": "ep2d_FRG",
    "PulseSequenceDetails": "%SiemensSeq%_ep2d_bold",
    "ReceiveCoilName": "Head_3T",
    "ReconMatrixPE": 64,
    "RepetitionTime": 3,
    "SAR": 0.0449952,
    "ScanOptions": "FS",
    "ScanningSequence": "SE_EP",
    "SequenceName": "_epfid2d1_64",
    "SequenceVariant": "SK",
    "SeriesDescription": "ep2d_FRG",
    "SeriesNumber": 7,
    "ShimSetting": [
      -28,
      23,
      126,
      192,
      1678,
      1076,
      -309,
      -179
    ],
    "SliceThickness": 3,
    "SoftwareVersions": "syngo_MR_2004A_4VA25A",
    "SpacingBetweenSlices": 3,
    "StationName": "MRC20413",
    "TaskName": "forage-engage decision task",
    "TxRefAmp": 172.116,
    "dataset": "ds001923",
    "modality": "bold",
    "run_id": 3,
    "subject_id": "02",
    "task_id": "forage"
  },
  "dummy_trs": 1,
  "dvars_nstd": 27.890878170317485,
  "dvars_std": 1.116272075257936,
  "dvars_vstd": 1.002000019603174,
  "efc": 0.5995834894173346,
  "fber": 1200.4710693359375,
  "fd_mean": 0.1179849694910391,
  "fd_num": 58,
  "fd_perc": 11.485148514851485,
  "fwhm_avg": 1.87256,
  "fwhm_x": 1.7902166666666668,
  "fwhm_y": 1.9802366666666666,
  "fwhm_z": 1.8472266666666668,
  "gcor": 0.0151574,
  "gsr_x": -0.01426793448626995,
  "gsr_y": 0.07231486588716507,
  "provenance": {
    "md5sum": "921fdac7f85bee86a23de284ad61b779",
    "settings": {
      "fd_thres": 0.2,
      "testing": false
    },
    "software": "mriqc",
    "version": "22.0.6",
    "webapi_port": null,
    "webapi_url": "https://mriqc.nimh.nih.gov/api/v1"
  },
  "size_t": 505,
  "size_x": 64,
  "size_y": 64,
  "size_z": 43,
  "snr": 5.142140158645681,
  "spacing_tr": 3.0,
  "spacing_x": 3.0,
  "spacing_y": 3.0,
  "spacing_z": 3.0,
  "summary_bg_k": 30.79605382473555,
  "summary_bg_mad": 12.239541783914031,
  "summary_bg_mean": 48.55316925048828,
  "summary_bg_median": 19.03762435913086,
  "summary_bg_n": 91991.0,
  "summary_bg_p05": 9.855445861816406,
  "summary_bg_p95": 176.28515625,
  "summary_bg_stdv": 74.35955047607422,
  "summary_fg_k": 2.9451356303141845,
  "summary_fg_mad": 112.50158290577693,
  "summary_fg_mean": 723.1058959960938,
  "summary_fg_median": 706.7030029296875,
  "summary_fg_n": 44340.0,
  "summary_fg_p05": 532.7195373535156,
  "summary_fg_p95": 953.6224060058586,
  "summary_fg_stdv": 137.4320831298828,
  "tsnr": 48.049837132915854
}