{
  "aor": 0.0006334892787524366,
  "aqi": 0.01816310064327485,
  "bids_meta": {
    "AcquisitionMatrixPE": 64,
    "AcquisitionNumber": 1,
    "AcquisitionTime": "10:22:18.644990",
    "BaseResolution": 64,
    "ConversionSoftware": "dcm2niix",
    "ConversionSoftwareVersion": "v1.0.20180518 GCC4.8.5",
    "DeviceSerialNumber": "20413",
    "EchoTime": 0.03,
    "FlipAngle": 87,
    "ImageOrientationPatientDICOM": [
      1,
      0,
      0,
      0,
      0.853551,
      -0.52101
    ],
    "ImageType": [
      "ORIGINAL",
      "PRIMARY",
      "M",
      "ND",
      "MOSAIC"
    ],
    "InPlanePhaseEncodingDirectionDICOM": "COL",
    "InstitutionAddress": "washington_avegreenhall_BDD552_new_jersey_08544_US",
    "InstitutionName": "Princeton_University",
    "MRAcquisitionType": "2D",
    "MagneticFieldStrength": 3,
    "Manufacturer": "Siemens",
    "ManufacturersModelName": "Allegra",
    "Modality": "MR",
    "PartialFourier": 1,
    "PatientPosition": "HFS",
    "PercentPhaseFOV": 100,
    "PhaseEncodingDirection": "j-",
    "PhaseEncodingSteps": 64,
    "PhaseResolution": 1,
    "PixelBandwidth": 1420,
    "ProcedureStepDescription": "BotvinickLab_Amitai",
    "ProtocolName": "ep2d_FRG",
    "PulseSequenceDetails": "%SiemensSeq%_ep2d_bold",
    "ReceiveCoilName": "Head_3T",
    "ReconMatrixPE": 64,
    "RepetitionTime": 3,
    "SAR": 0.0537534,
    "ScanOptions": "FS",
    "ScanningSequence": "SE_EP",
    "SequenceName": "_epfid2d1_64",
    "SequenceVariant": "SK",
    "SeriesDescription": "ep2d_FRG",
    "SeriesNumber": 6,
    "ShimSetting": [
      -33,
      7,
      147,
      328,
      1587,
      1286,
      -154,
      -231
    ],
    "SliceThickness": 3,
    "SoftwareVersions": "syngo_MR_2004A_4VA25A",
    "SpacingBetweenSlices": 3,
    "StationName": "MRC20413",
    "TaskName": "forage-engage decision task",
    "TxRefAmp": 151.389,
    "dataset": "ds001923",
    "modality": "bold",
    "run_id": 2,
    "subject_id": "09",
    "task_id": "forage"
  },
  "dummy_trs": 0,
  "dvars_nstd": 32.681019619101534,
  "dvars_std": 1.1117179619335942,
  "dvars_vstd": 0.953446747441406,
  "efc": 0.563636841140203,
  "fber": 1937.1016845703125,
  "fd_mean": 0.18454882910016596,
  "fd_num": 173,
  "fd_perc": 33.72319688109162,
  "fwhm_avg": 1.8103822222222223,
  "fwhm_x": 1.7508833333333333,
  "fwhm_y": 1.8510633333333333,
  "fwhm_z": 1.8292,
  "gcor": 0.018271,
  "gsr_x": -0.010424303822219372,
  "gsr_y": 0.03990716114640236,
  "provenance": {
    "md5sum": "3cfa0b6fa6c26ccc2b7322e504f91bb6",
    "settings": {
      "fd_thres": 0.2,
      "testing": false
    },
    "software": "mriqc",
    "version": "22.0.6",
    "webapi_port": null,
    "webapi_url": "https://mriqc.nimh.nih.gov/api/v1"
  },
  "size_t": 513,
  "size_x": 64,
  "size_y": 64,
  "size_z": 43,
  "snr": 5.462388083268455,
  "spacing_tr": 3.0,
  "spacing_x": 3.0,
  "spacing_y": 3.0,
  "spacing_z": 3.0,
  "summary_bg_k": 30.584486988874914,
  "summary_bg_mad": 7.216486157609845,
  "summary_bg_mean": 30.90142822265625,
  "summary_bg_median": 14.26900577545166,
  "summary_bg_n": 96518.0,
  "summary_bg_p05": 8.723196983337402,
  "summary_bg_p95": 109.89815177917475,
  "summary_bg_stdv": 42.70206069946289,
  "summary_fg_k": 2.5878144928834077,
  "summary_fg_mad": 113.23555425552661,
  "summary_fg_mean": 678.3961791992188,
  "summary_fg_median": 663.4580688476562,
  "summary_fg_n": 41237.0,
  "summary_fg_p05": 513.6428833007812,
  "summary_fg_p95": 877.5380249023438,
  "summary_fg_stdv": 121.45787048339844,
  "tsnr": 40.98640240583336
}