{
  "aor": 0.0010181742738589212,
  "aqi": 0.013865221784232364,
  "bids_meta": {
    "AcquisitionMatrixPE": 64,
    "AcquisitionNumber": 1,
    "AcquisitionTime": "10:49:6.675010",
    "BaseResolution": 64,
    "ConversionSoftware": "dcm2niix",
    "ConversionSoftwareVersion": "v1.0.20180518 GCC4.8.5",
    "DeviceSerialNumber": "20413",
    "EchoTime": 0.03,
    "FlipAngle": 87,
    "ImageOrientationPatientDICOM": [
      1,
      0,
      0,
      0,
      0.853551,
      -0.52101
    ],
    "ImageType": [
      "ORIGINAL",
      "PRIMARY",
      "M",
      "ND",
      "MOSAIC"
    ],
    "InPlanePhaseEncodingDirectionDICOM": "COL",
    "InstitutionAddress": "washington_avegreenhall_BDD552_new_jersey_08544_US",
    "InstitutionName": "Princeton_University",
    "MRAcquisitionType": "2D",
    "MagneticFieldStrength": 3,
    "Manufacturer": "Siemens",
    "ManufacturersModelName": "Allegra",
    "Modality": "MR",
    "PartialFourier": 1,
    "PatientPosition": "HFS",
    "PercentPhaseFOV": 100,
    "PhaseEncodingDirection": "j-",
    "PhaseEncodingSteps": 64,
    "PhaseResolution": 1,
    "PixelBandwidth": 1420,
    "ProcedureStepDescription": "BotvinickLab_Amitai",
    "ProtocolName": "ep2d_FRG",
    "PulseSequenceDetails": "%SiemensSeq%_ep2d_bold",
    "ReceiveCoilName": "Head_3T",
    "ReconMatrixPE": 64,
    "RepetitionTime": 3,
    "SAR": 0.0537534,
    "ScanOptions": "FS",
    "ScanningSequence": "SE_EP",
    "SequenceName": "_epfid2d1_64",
    "SequenceVariant": "SK",
    "SeriesDescription": "ep2d_FRG",
    "SeriesNumber": 7,
    "ShimSetting": [
      -33,
      7,
      147,
      328,
      1587,
      1286,
      -154,
      -231
    ],
    "SliceThickness": 3,
    "SoftwareVersions": "syngo_MR_2004A_4VA25A",
    "SpacingBetweenSlices": 3,
    "StationName": "MRC20413",
    "TaskName": "forage-engage decision task",
    "TxRefAmp": 151.389,
    "dataset": "ds001923",
    "modality": "bold",
    "run_id": 3,
    "subject_id": "09",
    "task_id": "forage"
  },
  "dummy_trs": 0,
  "dvars_nstd": 31.981141468898162,
  "dvars_std": 1.1508270208316003,
  "dvars_vstd": 0.9836946784823288,
  "efc": 0.5604096163411688,
  "fber": 2034.7069091796875,
  "fd_mean": 0.16198113544121806,
  "fd_num": 100,
  "fd_perc": 20.74688796680498,
  "fwhm_avg": 1.7958622222222222,
  "fwhm_x": 1.7395866666666666,
  "fwhm_y": 1.8399333333333334,
  "fwhm_z": 1.8080666666666667,
  "gcor": 0.0129715,
  "gsr_x": -0.00860438123345375,
  "gsr_y": 0.04312879219651222,
  "provenance": {
    "md5sum": "b7c084f6f8863c29c09b0c1b52cdcd69",
    "settings": {
      "fd_thres": 0.2,
      "testing": false
    },
    "software": "mriqc",
    "version": "22.0.6",
    "webapi_port": null,
    "webapi_url": "https://mriqc.nimh.nih.gov/api/v1"
  },
  "size_t": 482,
  "size_x": 64,
  "size_y": 64,
  "size_z": 43,
  "snr": 5.387224428345315,
  "spacing_tr": 3.0,
  "spacing_x": 3.0,
  "spacing_y": 3.0,
  "spacing_z": 3.0,
  "summary_bg_k": 29.191075875662662,
  "summary_bg_mad": 7.369947341527581,
  "summary_bg_mean": 31.00585174560547,
  "summary_bg_median": 14.103734970092773,
  "summary_bg_n": 97250.0,
  "summary_bg_p05": 8.246888160705566,
  "summary_bg_p95": 111.73434333801275,
  "summary_bg_stdv": 43.655540466308594,
  "summary_fg_k": 2.6210351964784717,
  "summary_fg_mad": 114.93397717051266,
  "summary_fg_mean": 682.180908203125,
  "summary_fg_median": 666.6898803710938,
  "summary_fg_n": 40866.0,
  "summary_fg_p05": 514.1016845703125,
  "summary_fg_p95": 885.8179779052734,
  "summary_fg_stdv": 123.75235748291016,
  "tsnr": 46.440344157861546
}