{
  "aor": 0.0022902087286527516,
  "aqi": 0.015097490588235294,
  "bids_meta": {
    "AcquisitionMatrixPE": 64,
    "AcquisitionNumber": 1,
    "AcquisitionTime": "09:43:54.340010",
    "BaseResolution": 64,
    "ConversionSoftware": "dcm2niix",
    "ConversionSoftwareVersion": "v1.0.20180518 GCC4.8.5",
    "DeviceSerialNumber": "20413",
    "EchoTime": 0.03,
    "FlipAngle": 87,
    "ImageOrientationPatientDICOM": [
      1,
      0,
      0,
      0,
      0.871214,
      -0.490904
    ],
    "ImageType": [
      "ORIGINAL",
      "PRIMARY",
      "M",
      "ND",
      "MOSAIC"
    ],
    "InPlanePhaseEncodingDirectionDICOM": "COL",
    "InstitutionAddress": "washington_avegreenhall_BDD552_new_jersey_08544_US",
    "InstitutionName": "Princeton_University",
    "MRAcquisitionType": "2D",
    "MagneticFieldStrength": 3,
    "Manufacturer": "Siemens",
    "ManufacturersModelName": "Allegra",
    "Modality": "MR",
    "PartialFourier": 1,
    "PatientPosition": "HFS",
    "PercentPhaseFOV": 100,
    "PhaseEncodingDirection": "j-",
    "PhaseEncodingSteps": 64,
    "PhaseResolution": 1,
    "PixelBandwidth": 1420,
    "ProcedureStepDescription": "BotvinickLab_Amitai",
    "ProtocolName": "ep2d_FRG",
    "PulseSequenceDetails": "%SiemensSeq%_ep2d_bold",
    "ReceiveCoilName": "Head_3T",
    "ReconMatrixPE": 64,
    "RepetitionTime": 3,
    "SAR": 0.0554136,
    "ScanOptions": "FS",
    "ScanningSequence": "SE_EP",
    "SequenceName": "_epfid2d1_64",
    "SequenceVariant": "SK",
    "SeriesDescription": "ep2d_FRG",
    "SeriesNumber": 4,
    "ShimSetting": [
      -36,
      8,
      145,
      248,
      1552,
      1268,
      -138,
      -217
    ],
    "SliceThickness": 3,
    "SoftwareVersions": "syngo_MR_2004A_4VA25A",
    "SpacingBetweenSlices": 3,
    "StationName": "MRC20413",
    "TaskName": "forage-engage decision task",
    "TxRefAmp": 151.653,
    "dataset": "ds001923",
    "modality": "bold",
    "run_id": 1,
    "subject_id": "09",
    "task_id": "forage"
  },
  "dummy_trs": 0,
  "dvars_nstd": 31.1749158613118,
  "dvars_std": 1.1454309597718635,
  "dvars_vstd": 1.0032263308174907,
  "efc": 0.5701921881692728,
  "fber": 1691.565185546875,
  "fd_mean": 0.21367358098030648,
  "fd_num": 216,
  "fd_perc": 40.98671726755218,
  "fwhm_avg": 1.8007745414422256,
  "fwhm_x": 1.74078,
  "fwhm_y": 1.8460401467100895,
  "fwhm_z": 1.8155034776165866,
  "gcor": 0.0162267,
  "gsr_x": -0.01808908022940159,
  "gsr_y": 0.037940964102745056,
  "provenance": {
    "md5sum": "1e410ba543698b3f0a364b4f434c6a1d",
    "settings": {
      "fd_thres": 0.2,
      "testing": false
    },
    "software": "mriqc",
    "version": "22.0.6",
    "webapi_port": null,
    "webapi_url": "https://mriqc.nimh.nih.gov/api/v1"
  },
  "size_t": 527,
  "size_x": 64,
  "size_y": 64,
  "size_z": 43,
  "snr": 5.490552072341843,
  "spacing_tr": 3.0,
  "spacing_x": 3.0,
  "spacing_y": 2.999999761581421,
  "spacing_z": 2.999999761581421,
  "summary_bg_k": 59.652462447850134,
  "summary_bg_mad": 8.490499878681748,
  "summary_bg_mean": 35.2857666015625,
  "summary_bg_median": 15.28368091583252,
  "summary_bg_n": 95860.0,
  "summary_bg_p05": 8.977229118347168,
  "summary_bg_p95": 122.60958213806155,
  "summary_bg_stdv": 56.286643981933594,
  "summary_fg_k": 2.3278638527600055,
  "summary_fg_mad": 112.86626106377116,
  "summary_fg_mean": 681.9321899414062,
  "summary_fg_median": 666.6622314453125,
  "summary_fg_n": 41254.0,
  "summary_fg_p05": 514.8765533447265,
  "summary_fg_p95": 882.8981658935546,
  "summary_fg_stdv": 121.41841888427734,
  "tsnr": 43.639004963682964
}