{
  "aor": 0.004863278350515464,
  "aqi": 0.02849997587628866,
  "bids_meta": {
    "AcquisitionMatrixPE": 64,
    "AcquisitionNumber": 1,
    "AcquisitionTime": "16:07:7.727500",
    "BaseResolution": 64,
    "ConversionSoftware": "dcm2niix",
    "ConversionSoftwareVersion": "v1.0.20180518 GCC4.8.5",
    "DeviceSerialNumber": "20413",
    "EchoTime": 0.03,
    "FlipAngle": 87,
    "ImageOrientationPatientDICOM": [
      1,
      2.22045e-16,
      -2.77556e-17,
      -2.22045e-16,
      0.95882,
      -0.284015
    ],
    "ImageType": [
      "ORIGINAL",
      "PRIMARY",
      "M",
      "ND",
      "MOSAIC"
    ],
    "InPlanePhaseEncodingDirectionDICOM": "COL",
    "InstitutionAddress": "washington_avegreenhall_BDD552_new_jersey_08544_US",
    "InstitutionName": "Princeton_University",
    "MRAcquisitionType": "2D",
    "MagneticFieldStrength": 3,
    "Manufacturer": "Siemens",
    "ManufacturersModelName": "Allegra",
    "Modality": "MR",
    "PartialFourier": 1,
    "PatientPosition": "HFS",
    "PercentPhaseFOV": 100,
    "PhaseEncodingDirection": "j-",
    "PhaseEncodingSteps": 64,
    "PhaseResolution": 1,
    "PixelBandwidth": 1420,
    "ProcedureStepDescription": "BotvinickLab_Amitai",
    "ProtocolName": "ep2d_FRG",
    "PulseSequenceDetails": "%SiemensSeq%_ep2d_bold",
    "ReceiveCoilName": "Head_3T",
    "ReconMatrixPE": 64,
    "RepetitionTime": 3,
    "SAR": 0.0460763,
    "ScanOptions": "FS",
    "ScanningSequence": "SE_EP",
    "SequenceName": "_epfid2d1_64",
    "SequenceVariant": "SK",
    "SeriesDescription": "ep2d_FRG",
    "SeriesNumber": 4,
    "ShimSetting": [
      -28,
      -5,
      119,
      290,
      1642,
      914,
      -331,
      -148
    ],
    "SliceThickness": 3,
    "SoftwareVersions": "syngo_MR_2004A_4VA25A",
    "SpacingBetweenSlices": 3,
    "StationName": "MRC20413",
    "TaskName": "forage-engage decision task",
    "TxRefAmp": 161.99,
    "dataset": "ds001923",
    "modality": "bold",
    "run_id": 1,
    "subject_id": "06",
    "task_id": "forage"
  },
  "dummy_trs": 0,
  "dvars_nstd": 48.47261481652891,
  "dvars_std": 1.1339038192768598,
  "dvars_vstd": 1.0039290184917353,
  "efc": 0.5563912015676755,
  "fber": 1441.0413818359375,
  "fd_mean": 0.5864606159181235,
  "fd_num": 402,
  "fd_perc": 82.88659793814433,
  "fwhm_avg": 1.9521555555555556,
  "fwhm_x": 1.8402833333333335,
  "fwhm_y": 2.0639766666666666,
  "fwhm_z": 1.9522066666666669,
  "gcor": 0.0556876,
  "gsr_x": -0.01500922441482544,
  "gsr_y": 0.05322334170341492,
  "provenance": {
    "md5sum": "adbbb8f8dabe4c58ea7cfea791e811c2",
    "settings": {
      "fd_thres": 0.2,
      "testing": false
    },
    "software": "mriqc",
    "version": "22.0.6",
    "webapi_port": null,
    "webapi_url": "https://mriqc.nimh.nih.gov/api/v1"
  },
  "size_t": 485,
  "size_x": 64,
  "size_y": 64,
  "size_z": 43,
  "snr": 5.235862107639401,
  "spacing_tr": 3.0,
  "spacing_x": 3.0,
  "spacing_y": 3.0,
  "spacing_z": 3.0,
  "summary_bg_k": 26.3427987742923,
  "summary_bg_mad": 10.74198877895282,
  "summary_bg_mean": 40.79761505126953,
  "summary_bg_median": 17.453609466552734,
  "summary_bg_n": 100761.0,
  "summary_bg_p05": 9.632989883422852,
  "summary_bg_p95": 143.42062377929688,
  "summary_bg_stdv": 62.835716247558594,
  "summary_fg_k": 2.454987704167438,
  "summary_fg_mad": 114.39881423592759,
  "summary_fg_mean": 714.446533203125,
  "summary_fg_median": 696.1113891601562,
  "summary_fg_n": 37465.0,
  "summary_fg_p05": 526.0899047851562,
  "summary_fg_p95": 931.6367309570312,
  "summary_fg_stdv": 132.9488983154297,
  "tsnr": 27.59510206943378
}