{
  "aor": 0.001102377358490566,
  "aqi": 0.02742114962264151,
  "bids_meta": {
    "AcquisitionMatrixPE": 64,
    "AcquisitionNumber": 1,
    "AcquisitionTime": "16:59:56.547490",
    "BaseResolution": 64,
    "ConversionSoftware": "dcm2niix",
    "ConversionSoftwareVersion": "v1.0.20180518 GCC4.8.5",
    "DeviceSerialNumber": "20413",
    "EchoTime": 0.03,
    "FlipAngle": 87,
    "ImageOrientationPatientDICOM": [
      1,
      2.22045e-16,
      -2.77556e-17,
      -2.22045e-16,
      0.95882,
      -0.284015
    ],
    "ImageType": [
      "ORIGINAL",
      "PRIMARY",
      "M",
      "ND",
      "MOSAIC"
    ],
    "InPlanePhaseEncodingDirectionDICOM": "COL",
    "InstitutionAddress": "washington_avegreenhall_BDD552_new_jersey_08544_US",
    "InstitutionName": "Princeton_University",
    "MRAcquisitionType": "2D",
    "MagneticFieldStrength": 3,
    "Manufacturer": "Siemens",
    "ManufacturersModelName": "Allegra",
    "Modality": "MR",
    "PartialFourier": 1,
    "PatientPosition": "HFS",
    "PercentPhaseFOV": 100,
    "PhaseEncodingDirection": "j-",
    "PhaseEncodingSteps": 64,
    "PhaseResolution": 1,
    "PixelBandwidth": 1420,
    "ProcedureStepDescription": "BotvinickLab_Amitai",
    "ProtocolName": "ep2d_FRG",
    "PulseSequenceDetails": "%SiemensSeq%_ep2d_bold",
    "ReceiveCoilName": "Head_3T",
    "ReconMatrixPE": 64,
    "RepetitionTime": 3,
    "SAR": 0.0460763,
    "ScanOptions": "FS",
    "ScanningSequence": "SE_EP",
    "SequenceName": "_epfid2d1_64",
    "SequenceVariant": "SK",
    "SeriesDescription": "ep2d_FRG",
    "SeriesNumber": 6,
    "ShimSetting": [
      -28,
      -5,
      119,
      290,
      1642,
      914,
      -331,
      -148
    ],
    "SliceThickness": 3,
    "SoftwareVersions": "syngo_MR_2004A_4VA25A",
    "SpacingBetweenSlices": 3,
    "StationName": "MRC20413",
    "TaskName": "forage-engage decision task",
    "TxRefAmp": 161.99,
    "dataset": "ds001923",
    "modality": "bold",
    "run_id": 3,
    "subject_id": "06",
    "task_id": "forage"
  },
  "dummy_trs": 0,
  "dvars_nstd": 36.102267855028344,
  "dvars_std": 1.0408606172967858,
  "dvars_vstd": 0.9444887029300567,
  "efc": 0.5560407816593382,
  "fber": 1441.43505859375,
  "fd_mean": 0.41749601785748164,
  "fd_num": 376,
  "fd_perc": 70.94339622641509,
  "fwhm_avg": 1.9614666666666667,
  "fwhm_x": 1.8570766666666667,
  "fwhm_y": 2.08245,
  "fwhm_z": 1.9448733333333335,
  "gcor": 0.0358558,
  "gsr_x": -0.013878186233341694,
  "gsr_y": 0.054936908185482025,
  "provenance": {
    "md5sum": "973a2349cdfed4a021b572d43376450a",
    "settings": {
      "fd_thres": 0.2,
      "testing": false
    },
    "software": "mriqc",
    "version": "22.0.6",
    "webapi_port": null,
    "webapi_url": "https://mriqc.nimh.nih.gov/api/v1"
  },
  "size_t": 530,
  "size_x": 64,
  "size_y": 64,
  "size_z": 43,
  "snr": 5.156593040847899,
  "spacing_tr": 3.0,
  "spacing_x": 3.0,
  "spacing_y": 3.0,
  "spacing_z": 3.0,
  "summary_bg_k": 28.51583159107578,
  "summary_bg_mad": 11.581082227378673,
  "summary_bg_mean": 42.83587646484375,
  "summary_bg_median": 17.92169952392578,
  "summary_bg_n": 100912.0,
  "summary_bg_p05": 9.232075691223145,
  "summary_bg_p95": 148.58981399536128,
  "summary_bg_stdv": 67.44505310058594,
  "summary_fg_k": 2.512052369786387,
  "summary_fg_mad": 119.1158764396111,
  "summary_fg_mean": 725.9668579101562,
  "summary_fg_median": 707.4443359375,
  "summary_fg_n": 37488.0,
  "summary_fg_p05": 533.3779266357421,
  "summary_fg_p95": 949.0138122558594,
  "summary_fg_stdv": 137.19036865234375,
  "tsnr": 30.510668245551642
}