{
  "aor": 0.0031445076282940357,
  "aqi": 0.019583624382801663,
  "bids_meta": {
    "AcquisitionMatrixPE": 64,
    "AcquisitionNumber": 1,
    "AcquisitionTime": "16:16:18.377500",
    "BaseResolution": 64,
    "ConversionSoftware": "dcm2niix",
    "ConversionSoftwareVersion": "v1.0.20180518 GCC4.8.5",
    "DeviceSerialNumber": "20413",
    "EchoTime": 0.03,
    "FlipAngle": 87,
    "ImageOrientationPatientDICOM": [
      1,
      0,
      -1.38778e-17,
      0,
      0.978867,
      -0.204496
    ],
    "ImageType": [
      "ORIGINAL",
      "PRIMARY",
      "M",
      "ND",
      "MOSAIC"
    ],
    "InPlanePhaseEncodingDirectionDICOM": "COL",
    "InstitutionAddress": "washington_avegreenhall_BDD552_new_jersey_08544_US",
    "InstitutionName": "Princeton_University",
    "MRAcquisitionType": "2D",
    "MagneticFieldStrength": 3,
    "Manufacturer": "Siemens",
    "ManufacturersModelName": "Allegra",
    "Modality": "MR",
    "PartialFourier": 1,
    "PatientPosition": "HFS",
    "PercentPhaseFOV": 100,
    "PhaseEncodingDirection": "j-",
    "PhaseEncodingSteps": 64,
    "PhaseResolution": 1,
    "PixelBandwidth": 1420,
    "ProcedureStepDescription": "BotvinickLab_Amitai",
    "ProtocolName": "ep2d_FRG",
    "PulseSequenceDetails": "%SiemensSeq%_ep2d_bold",
    "ReceiveCoilName": "Head_3T",
    "ReconMatrixPE": 64,
    "RepetitionTime": 3,
    "SAR": 0.0462973,
    "ScanOptions": "FS",
    "ScanningSequence": "SE_EP",
    "SequenceName": "_epfid2d1_64",
    "SequenceVariant": "SK",
    "SeriesDescription": "ep2d_FRG",
    "SeriesNumber": 4,
    "ShimSetting": [
      -26,
      -7,
      115,
      359,
      1617,
      667,
      -230,
      -210
    ],
    "SliceThickness": 3,
    "SoftwareVersions": "syngo_MR_2004A_4VA25A",
    "SpacingBetweenSlices": 3,
    "StationName": "MRC20413",
    "TaskName": "forage-engage decision task",
    "TxRefAmp": 154.904,
    "dataset": "ds001923",
    "modality": "bold",
    "run_id": 1,
    "subject_id": "01",
    "task_id": "forage"
  },
  "dummy_trs": 0,
  "dvars_nstd": 32.68594735190281,
  "dvars_std": 1.0912592903055554,
  "dvars_vstd": 0.9945780888888897,
  "efc": 0.5461574568834275,
  "fber": 1364.3597412109375,
  "fd_mean": 0.282993113512994,
  "fd_num": 329,
  "fd_perc": 45.63106796116505,
  "fwhm_avg": 1.9528433333333333,
  "fwhm_x": 1.8626933333333333,
  "fwhm_y": 2.03623,
  "fwhm_z": 1.9596066666666667,
  "gcor": 0.0217048,
  "gsr_x": -0.011309321038424969,
  "gsr_y": 0.04360145330429077,
  "provenance": {
    "md5sum": "90a6f86dbc6f0353a0b103cf7d1467c6",
    "settings": {
      "fd_thres": 0.2,
      "testing": false
    },
    "software": "mriqc",
    "version": "22.0.6",
    "webapi_port": null,
    "webapi_url": "https://mriqc.nimh.nih.gov/api/v1"
  },
  "size_t": 721,
  "size_x": 64,
  "size_y": 64,
  "size_z": 43,
  "snr": 5.29849461557773,
  "spacing_tr": 3.0,
  "spacing_x": 3.0,
  "spacing_y": 3.0,
  "spacing_z": 3.0,
  "summary_bg_k": 27.711079560263208,
  "summary_bg_mad": 12.414995074180412,
  "summary_bg_mean": 43.56711959838867,
  "summary_bg_median": 18.33356475830078,
  "summary_bg_n": 103758.0,
  "summary_bg_p05": 9.287101745605469,
  "summary_bg_p95": 158.55513687133777,
  "summary_bg_stdv": 69.80314636230469,
  "summary_fg_k": 1.518841579504815,
  "summary_fg_mad": 117.43917133056019,
  "summary_fg_mean": 710.47021484375,
  "summary_fg_median": 703.2295532226562,
  "summary_fg_n": 34788.0,
  "summary_fg_p05": 495.2525802612305,
  "summary_fg_p95": 925.7447479248048,
  "summary_fg_stdv": 132.72061157226562,
  "tsnr": 34.557494536275044
}