{
  "aor": 0.0029250715746421264,
  "aqi": 0.022692557464212677,
  "bids_meta": {
    "AcquisitionMatrixPE": 64,
    "AcquisitionNumber": 1,
    "AcquisitionTime": "19:12:19.369980",
    "BaseResolution": 64,
    "ConversionSoftware": "dcm2niix",
    "ConversionSoftwareVersion": "v1.0.20180518 GCC4.8.5",
    "DeviceSerialNumber": "20413",
    "EchoTime": 0.03,
    "FlipAngle": 87,
    "ImageOrientationPatientDICOM": [
      1,
      -1.11022e-16,
      -6.93889e-18,
      1.11022e-16,
      0.994151,
      -0.107999
    ],
    "ImageType": [
      "ORIGINAL",
      "PRIMARY",
      "M",
      "ND",
      "MOSAIC"
    ],
    "InPlanePhaseEncodingDirectionDICOM": "COL",
    "InstitutionAddress": "washington_avegreenhall_BDD552_new_jersey_08544_US",
    "InstitutionName": "Princeton_University",
    "MRAcquisitionType": "2D",
    "MagneticFieldStrength": 3,
    "Manufacturer": "Siemens",
    "ManufacturersModelName": "Allegra",
    "Modality": "MR",
    "PartialFourier": 1,
    "PatientPosition": "HFS",
    "PercentPhaseFOV": 100,
    "PhaseEncodingDirection": "j-",
    "PhaseEncodingSteps": 64,
    "PhaseResolution": 1,
    "PixelBandwidth": 1420,
    "ProcedureStepDescription": "BotvinickLab_Amitai",
    "ProtocolName": "ep2d_FRG",
    "PulseSequenceDetails": "%SiemensSeq%_ep2d_bold",
    "ReceiveCoilName": "Head_3T",
    "ReconMatrixPE": 64,
    "RepetitionTime": 3,
    "SAR": 0.0516133,
    "ScanOptions": "FS",
    "ScanningSequence": "SE_EP",
    "SequenceName": "_epfid2d1_64",
    "SequenceVariant": "SK",
    "SeriesDescription": "ep2d_FRG",
    "SeriesNumber": 5,
    "ShimSetting": [
      -38,
      -25,
      119,
      160,
      1531,
      962,
      -280,
      -40
    ],
    "SliceThickness": 3,
    "SoftwareVersions": "syngo_MR_2004A_4VA25A",
    "SpacingBetweenSlices": 3,
    "StationName": "MRC20413",
    "TaskName": "forage-engage decision task",
    "TxRefAmp": 151.878,
    "dataset": "ds001923",
    "modality": "bold",
    "run_id": 2,
    "subject_id": "04",
    "task_id": "forage"
  },
  "dummy_trs": 0,
  "dvars_nstd": 28.99081165247952,
  "dvars_std": 0.9898398725614751,
  "dvars_vstd": 0.9118109061680336,
  "efc": 0.5748493631467624,
  "fber": 1715.6385498046875,
  "fd_mean": 0.11460681383721759,
  "fd_num": 48,
  "fd_perc": 9.815950920245399,
  "fwhm_avg": 1.9581866666666665,
  "fwhm_x": 1.8398333333333332,
  "fwhm_y": 2.12155,
  "fwhm_z": 1.9131766666666667,
  "gcor": 0.0297926,
  "gsr_x": -0.017782526090741158,
  "gsr_y": 0.05354062095284462,
  "provenance": {
    "md5sum": "93935d52a21984653680292f8253cf20",
    "settings": {
      "fd_thres": 0.2,
      "testing": false
    },
    "software": "mriqc",
    "version": "22.0.6",
    "webapi_port": null,
    "webapi_url": "https://mriqc.nimh.nih.gov/api/v1"
  },
  "size_t": 489,
  "size_x": 64,
  "size_y": 64,
  "size_z": 43,
  "snr": 5.166207498051474,
  "spacing_tr": 3.0,
  "spacing_x": 3.0,
  "spacing_y": 3.0,
  "spacing_z": 3.0,
  "summary_bg_k": 20.529528212470925,
  "summary_bg_mad": 9.107846893343664,
  "summary_bg_mean": 36.572723388671875,
  "summary_bg_median": 15.656441688537598,
  "summary_bg_n": 94428.0,
  "summary_bg_p05": 8.910019874572754,
  "summary_bg_p95": 134.15265045166015,
  "summary_bg_stdv": 55.75237274169922,
  "summary_fg_k": 3.1704121695316507,
  "summary_fg_mad": 113.3007981641901,
  "summary_fg_mean": 702.447998046875,
  "summary_fg_median": 685.2698974609375,
  "summary_fg_n": 42528.0,
  "summary_fg_p05": 529.7405822753906,
  "summary_fg_p95": 912.6542755126953,
  "summary_fg_stdv": 132.6431121826172,
  "tsnr": 37.65956461196765
}