{
  "aor": 0.0030935887096774192,
  "aqi": 0.010302831028225807,
  "bids_meta": {
    "AcquisitionMatrixPE": 64,
    "AcquisitionNumber": 1,
    "AcquisitionTime": "18:46:11.737490",
    "BaseResolution": 64,
    "ConversionSoftware": "dcm2niix",
    "ConversionSoftwareVersion": "v1.0.20180518 GCC4.8.5",
    "DeviceSerialNumber": "20413",
    "EchoTime": 0.03,
    "FlipAngle": 87,
    "ImageOrientationPatientDICOM": [
      1,
      -1.11022e-16,
      -6.93889e-18,
      1.11022e-16,
      0.994151,
      -0.107999
    ],
    "ImageType": [
      "ORIGINAL",
      "PRIMARY",
      "M",
      "ND",
      "MOSAIC"
    ],
    "InPlanePhaseEncodingDirectionDICOM": "COL",
    "InstitutionAddress": "washington_avegreenhall_BDD552_new_jersey_08544_US",
    "InstitutionName": "Princeton_University",
    "MRAcquisitionType": "2D",
    "MagneticFieldStrength": 3,
    "Manufacturer": "Siemens",
    "ManufacturersModelName": "Allegra",
    "Modality": "MR",
    "PartialFourier": 1,
    "PatientPosition": "HFS",
    "PercentPhaseFOV": 100,
    "PhaseEncodingDirection": "j-",
    "PhaseEncodingSteps": 64,
    "PhaseResolution": 1,
    "PixelBandwidth": 1420,
    "ProcedureStepDescription": "BotvinickLab_Amitai",
    "ProtocolName": "ep2d_FRG",
    "PulseSequenceDetails": "%SiemensSeq%_ep2d_bold",
    "ReceiveCoilName": "Head_3T",
    "ReconMatrixPE": 64,
    "RepetitionTime": 3,
    "SAR": 0.0516133,
    "ScanOptions": "FS",
    "ScanningSequence": "SE_EP",
    "SequenceName": "_epfid2d1_64",
    "SequenceVariant": "SK",
    "SeriesDescription": "ep2d_FRG",
    "SeriesNumber": 4,
    "ShimSetting": [
      -38,
      -25,
      119,
      160,
      1531,
      962,
      -280,
      -40
    ],
    "SliceThickness": 3,
    "SoftwareVersions": "syngo_MR_2004A_4VA25A",
    "SpacingBetweenSlices": 3,
    "StationName": "MRC20413",
    "TaskName": "forage-engage decision task",
    "TxRefAmp": 151.878,
    "dataset": "ds001923",
    "modality": "bold",
    "run_id": 1,
    "subject_id": "04",
    "task_id": "forage"
  },
  "dummy_trs": 3,
  "dvars_nstd": 27.713030161899027,
  "dvars_std": 1.1640856224040392,
  "dvars_vstd": 1.0115976578989896,
  "efc": 0.5742570783704112,
  "fber": 1763.0836181640625,
  "fd_mean": 0.07335861950415619,
  "fd_num": 33,
  "fd_perc": 6.653225806451613,
  "fwhm_avg": 1.927402222222222,
  "fwhm_x": 1.8055433333333333,
  "fwhm_y": 2.09129,
  "fwhm_z": 1.8853733333333331,
  "gcor": 0.0130635,
  "gsr_x": -0.018211936578154564,
  "gsr_y": 0.052365370094776154,
  "provenance": {
    "md5sum": "bdcdddef3d9616ee7accaa6231491ffd",
    "settings": {
      "fd_thres": 0.2,
      "testing": false
    },
    "software": "mriqc",
    "version": "22.0.6",
    "webapi_port": null,
    "webapi_url": "https://mriqc.nimh.nih.gov/api/v1"
  },
  "size_t": 496,
  "size_x": 64,
  "size_y": 64,
  "size_z": 43,
  "snr": 5.136461653721235,
  "spacing_tr": 3.0,
  "spacing_x": 3.0,
  "spacing_y": 3.0,
  "spacing_z": 3.0,
  "summary_bg_k": 21.171709068385525,
  "summary_bg_mad": 8.686374410557583,
  "summary_bg_mean": 35.638397216796875,
  "summary_bg_median": 15.296370506286621,
  "summary_bg_n": 94320.0,
  "summary_bg_p05": 8.8125,
  "summary_bg_p95": 131.5083595275879,
  "summary_bg_stdv": 54.751373291015625,
  "summary_fg_k": 3.0916179009490667,
  "summary_fg_mad": 114.10951496269989,
  "summary_fg_mean": 701.0281982421875,
  "summary_fg_median": 684.34375,
  "summary_fg_n": 42516.0,
  "summary_fg_p05": 527.3255767822266,
  "summary_fg_p95": 914.7136840820312,
  "summary_fg_stdv": 133.23095703125,
  "tsnr": 50.660280705895275
}