{
  "aor": 0.0005200796812749004,
  "aqi": 0.010495966474103583,
  "bids_meta": {
    "AcquisitionMatrixPE": 64,
    "AcquisitionNumber": 1,
    "AcquisitionTime": "14:47:45.522510",
    "BaseResolution": 64,
    "ConversionSoftware": "dcm2niix",
    "ConversionSoftwareVersion": "v1.0.20180518 GCC4.8.5",
    "DeviceSerialNumber": "20413",
    "EchoTime": 0.03,
    "FlipAngle": 87,
    "ImageOrientationPatientDICOM": [
      1,
      0,
      0,
      0,
      0.866025,
      -0.5
    ],
    "ImageType": [
      "ORIGINAL",
      "PRIMARY",
      "M",
      "ND",
      "MOSAIC"
    ],
    "InPlanePhaseEncodingDirectionDICOM": "COL",
    "InstitutionAddress": "washington_avegreenhall_BDD552_new_jersey_08544_US",
    "InstitutionName": "Princeton_University",
    "MRAcquisitionType": "2D",
    "MagneticFieldStrength": 3,
    "Manufacturer": "Siemens",
    "ManufacturersModelName": "Allegra",
    "Modality": "MR",
    "PartialFourier": 1,
    "PatientPosition": "HFS",
    "PercentPhaseFOV": 100,
    "PhaseEncodingDirection": "j-",
    "PhaseEncodingSteps": 64,
    "PhaseResolution": 1,
    "PixelBandwidth": 1420,
    "ProcedureStepDescription": "BotvinickLab_Amitai",
    "ProtocolName": "ep2d_FRG",
    "PulseSequenceDetails": "%SiemensSeq%_ep2d_bold",
    "ReceiveCoilName": "Head_3T",
    "ReconMatrixPE": 64,
    "RepetitionTime": 3,
    "SAR": 0.0449952,
    "ScanOptions": "FS",
    "ScanningSequence": "SE_EP",
    "SequenceName": "_epfid2d1_64",
    "SequenceVariant": "SK",
    "SeriesDescription": "ep2d_FRG",
    "SeriesNumber": 5,
    "ShimSetting": [
      -28,
      23,
      126,
      192,
      1678,
      1076,
      -309,
      -179
    ],
    "SliceThickness": 3,
    "SoftwareVersions": "syngo_MR_2004A_4VA25A",
    "SpacingBetweenSlices": 3,
    "StationName": "MRC20413",
    "TaskName": "forage-engage decision task",
    "TxRefAmp": 172.116,
    "dataset": "ds001923",
    "modality": "bold",
    "run_id": 1,
    "subject_id": "02",
    "task_id": "forage"
  },
  "dummy_trs": 0,
  "dvars_nstd": 26.102711321736496,
  "dvars_std": 1.099550643832335,
  "dvars_vstd": 0.999646181177644,
  "efc": 0.5970362988549308,
  "fber": 1240.9837646484375,
  "fd_mean": 0.08283985355678451,
  "fd_num": 24,
  "fd_perc": 4.780876494023905,
  "fwhm_avg": 1.8851011111111111,
  "fwhm_x": 1.79577,
  "fwhm_y": 1.9882833333333334,
  "fwhm_z": 1.8712499999999999,
  "gcor": 0.00967481,
  "gsr_x": -0.014397405087947845,
  "gsr_y": 0.07118191570043564,
  "provenance": {
    "md5sum": "b689f11eaa1ef19db1627383c96fff0d",
    "settings": {
      "fd_thres": 0.2,
      "testing": false
    },
    "software": "mriqc",
    "version": "22.0.6",
    "webapi_port": null,
    "webapi_url": "https://mriqc.nimh.nih.gov/api/v1"
  },
  "size_t": 502,
  "size_x": 64,
  "size_y": 64,
  "size_z": 43,
  "snr": 5.12438077604267,
  "spacing_tr": 3.0,
  "spacing_x": 3.0,
  "spacing_y": 3.0,
  "spacing_z": 3.0,
  "summary_bg_k": 33.28949803857264,
  "summary_bg_mad": 11.49312087158238,
  "summary_bg_mean": 46.80845260620117,
  "summary_bg_median": 18.654382705688477,
  "summary_bg_n": 92048.0,
  "summary_bg_p05": 9.92430305480957,
  "summary_bg_p95": 170.8075714111324,
  "summary_bg_stdv": 72.27214050292969,
  "summary_fg_k": 2.9819227732034594,
  "summary_fg_mad": 112.60990046287843,
  "summary_fg_mean": 719.3289184570312,
  "summary_fg_median": 703.9223022460938,
  "summary_fg_n": 44241.0,
  "summary_fg_p05": 527.4561767578125,
  "summary_fg_p95": 949.6593627929688,
  "summary_fg_stdv": 137.36573791503906,
  "tsnr": 50.66677005100064
}