{
  "aor": 0.0011930876494023904,
  "aqi": 0.011577711195219123,
  "bids_meta": {
    "AcquisitionMatrixPE": 64,
    "AcquisitionNumber": 1,
    "AcquisitionTime": "15:14:1.682500",
    "BaseResolution": 64,
    "ConversionSoftware": "dcm2niix",
    "ConversionSoftwareVersion": "v1.0.20180518 GCC4.8.5",
    "DeviceSerialNumber": "20413",
    "EchoTime": 0.03,
    "FlipAngle": 87,
    "ImageOrientationPatientDICOM": [
      1,
      0,
      0,
      0,
      0.866025,
      -0.5
    ],
    "ImageType": [
      "ORIGINAL",
      "PRIMARY",
      "M",
      "ND",
      "MOSAIC"
    ],
    "InPlanePhaseEncodingDirectionDICOM": "COL",
    "InstitutionAddress": "washington_avegreenhall_BDD552_new_jersey_08544_US",
    "InstitutionName": "Princeton_University",
    "MRAcquisitionType": "2D",
    "MagneticFieldStrength": 3,
    "Manufacturer": "Siemens",
    "ManufacturersModelName": "Allegra",
    "Modality": "MR",
    "PartialFourier": 1,
    "PatientPosition": "HFS",
    "PercentPhaseFOV": 100,
    "PhaseEncodingDirection": "j-",
    "PhaseEncodingSteps": 64,
    "PhaseResolution": 1,
    "PixelBandwidth": 1420,
    "ProcedureStepDescription": "BotvinickLab_Amitai",
    "ProtocolName": "ep2d_FRG",
    "PulseSequenceDetails": "%SiemensSeq%_ep2d_bold",
    "ReceiveCoilName": "Head_3T",
    "ReconMatrixPE": 64,
    "RepetitionTime": 3,
    "SAR": 0.0449952,
    "ScanOptions": "FS",
    "ScanningSequence": "SE_EP",
    "SequenceName": "_epfid2d1_64",
    "SequenceVariant": "SK",
    "SeriesDescription": "ep2d_FRG",
    "SeriesNumber": 6,
    "ShimSetting": [
      -28,
      23,
      126,
      192,
      1678,
      1076,
      -309,
      -179
    ],
    "SliceThickness": 3,
    "SoftwareVersions": "syngo_MR_2004A_4VA25A",
    "SpacingBetweenSlices": 3,
    "StationName": "MRC20413",
    "TaskName": "forage-engage decision task",
    "TxRefAmp": 172.116,
    "dataset": "ds001923",
    "modality": "bold",
    "run_id": 2,
    "subject_id": "02",
    "task_id": "forage"
  },
  "dummy_trs": 0,
  "dvars_nstd": 27.212779465568865,
  "dvars_std": 1.116934064471058,
  "dvars_vstd": 1.010506888662674,
  "efc": 0.5983509514439745,
  "fber": 1211.38037109375,
  "fd_mean": 0.0926433463181394,
  "fd_num": 31,
  "fd_perc": 6.175298804780876,
  "fwhm_avg": 1.877461111111111,
  "fwhm_x": 1.78688,
  "fwhm_y": 1.9717533333333332,
  "fwhm_z": 1.87375,
  "gcor": 0.0374735,
  "gsr_x": -0.01440497487783432,
  "gsr_y": 0.07196608185768127,
  "provenance": {
    "md5sum": "d810bd84c71427d282ab05647dc30fa1",
    "settings": {
      "fd_thres": 0.2,
      "testing": false
    },
    "software": "mriqc",
    "version": "22.0.6",
    "webapi_port": null,
    "webapi_url": "https://mriqc.nimh.nih.gov/api/v1"
  },
  "size_t": 502,
  "size_x": 64,
  "size_y": 64,
  "size_z": 43,
  "snr": 5.1297407205705,
  "spacing_tr": 3.0,
  "spacing_x": 3.0,
  "spacing_y": 3.0,
  "spacing_z": 3.0,
  "summary_bg_k": 32.44929106037178,
  "summary_bg_mad": 11.465064463823852,
  "summary_bg_mean": 47.829463958740234,
  "summary_bg_median": 18.8127498626709,
  "summary_bg_n": 92016.0,
  "summary_bg_p05": 10.486056327819824,
  "summary_bg_p95": 175.06325149536133,
  "summary_bg_stdv": 73.62323760986328,
  "summary_fg_k": 3.0379886569510335,
  "summary_fg_mad": 113.24482956847808,
  "summary_fg_mean": 721.6162109375,
  "summary_fg_median": 706.635498046875,
  "summary_fg_n": 44166.0,
  "summary_fg_p05": 530.6215362548828,
  "summary_fg_p95": 949.9606628417969,
  "summary_fg_stdv": 137.75111389160156,
  "tsnr": 48.659784953459166
}