{
  "aor": 0.00029591726618705035,
  "aqi": 0.012635926924460432,
  "bids_meta": {
    "AcquisitionMatrixPE": 64,
    "AcquisitionNumber": 1,
    "AcquisitionTime": "15:51:10.347500",
    "BaseResolution": 64,
    "ConversionSoftware": "dcm2niix",
    "ConversionSoftwareVersion": "v1.0.20180518 GCC4.8.5",
    "DeviceSerialNumber": "20413",
    "EchoTime": 0.03,
    "FlipAngle": 87,
    "ImageOrientationPatientDICOM": [
      1,
      0,
      2.77556e-17,
      0,
      0.872069,
      -0.489382
    ],
    "ImageType": [
      "ORIGINAL",
      "PRIMARY",
      "M",
      "ND",
      "MOSAIC"
    ],
    "InPlanePhaseEncodingDirectionDICOM": "COL",
    "InstitutionAddress": "washington_avegreenhall_BDD552_new_jersey_08544_US",
    "InstitutionName": "Princeton_University",
    "MRAcquisitionType": "2D",
    "MagneticFieldStrength": 3,
    "Manufacturer": "Siemens",
    "ManufacturersModelName": "Allegra",
    "Modality": "MR",
    "PartialFourier": 1,
    "PatientPosition": "HFS",
    "PercentPhaseFOV": 100,
    "PhaseEncodingDirection": "j-",
    "PhaseEncodingSteps": 64,
    "PhaseResolution": 1,
    "PixelBandwidth": 1420,
    "ProcedureStepDescription": "BotvinickLab_Amitai",
    "ProtocolName": "ep2d_FRG",
    "PulseSequenceDetails": "%SiemensSeq%_ep2d_bold",
    "ReceiveCoilName": "Head_3T",
    "ReconMatrixPE": 64,
    "RepetitionTime": 3,
    "SAR": 0.0506114,
    "ScanOptions": "FS",
    "ScanningSequence": "SE_EP",
    "SequenceName": "_epfid2d1_64",
    "SequenceVariant": "SK",
    "SeriesDescription": "ep2d_FRG",
    "SeriesNumber": 5,
    "ShimSetting": [
      -36,
      15,
      132,
      235,
      1778,
      1085,
      -243,
      -120
    ],
    "SliceThickness": 3,
    "SoftwareVersions": "syngo_MR_2004A_4VA25A",
    "SpacingBetweenSlices": 3,
    "StationName": "MRC20413",
    "TaskName": "forage-engage decision task",
    "TxRefAmp": 172.463,
    "dataset": "ds001923",
    "modality": "bold",
    "run_id": 1,
    "subject_id": "14",
    "task_id": "forage"
  },
  "dummy_trs": 0,
  "dvars_nstd": 30.721533264954985,
  "dvars_std": 1.150558122396397,
  "dvars_vstd": 0.9567194331531526,
  "efc": 0.601238496252148,
  "fber": 1048.341552734375,
  "fd_mean": 0.050728625326943555,
  "fd_num": 1,
  "fd_perc": 0.17985611510791366,
  "fwhm_avg": 1.8317745439499475,
  "fwhm_x": 1.7391166666666666,
  "fwhm_y": 1.9085834850139207,
  "fwhm_z": 1.8476234801692548,
  "gcor": 0.00907441,
  "gsr_x": -0.006680969148874283,
  "gsr_y": 0.04559784010052681,
  "provenance": {
    "md5sum": "b76d5b55b098cfc5747c22e5cbca0f83",
    "settings": {
      "fd_thres": 0.2,
      "testing": false
    },
    "software": "mriqc",
    "version": "22.0.6",
    "webapi_port": null,
    "webapi_url": "https://mriqc.nimh.nih.gov/api/v1"
  },
  "size_t": 556,
  "size_x": 64,
  "size_y": 64,
  "size_z": 43,
  "snr": 5.2144603703722705,
  "spacing_tr": 3.0,
  "spacing_x": 3.0,
  "spacing_y": 2.999999761581421,
  "spacing_z": 2.999999761581421,
  "summary_bg_k": 22.416740754797132,
  "summary_bg_mad": 13.204759693604625,
  "summary_bg_mean": 44.88369369506836,
  "summary_bg_median": 20.303956985473633,
  "summary_bg_n": 90859.0,
  "summary_bg_p05": 10.492806434631348,
  "summary_bg_p95": 157.18471527099598,
  "summary_bg_stdv": 65.22129821777344,
  "summary_fg_k": 2.950577682896487,
  "summary_fg_mad": 116.35490986924827,
  "summary_fg_mean": 712.8341064453125,
  "summary_fg_median": 698.5153198242188,
  "summary_fg_n": 45616.0,
  "summary_fg_p05": 526.6587219238281,
  "summary_fg_p95": 932.2563018798828,
  "summary_fg_stdv": 133.9558868408203,
  "tsnr": 46.13012900389731
}