{
  "aor": 0.00030423913043478264,
  "aqi": 0.008772455688405798,
  "bids_meta": {
    "AcquisitionMatrixPE": 64,
    "AcquisitionNumber": 1,
    "AcquisitionTime": "16:20:40.282500",
    "BaseResolution": 64,
    "ConversionSoftware": "dcm2niix",
    "ConversionSoftwareVersion": "v1.0.20180518 GCC4.8.5",
    "DeviceSerialNumber": "20413",
    "EchoTime": 0.03,
    "FlipAngle": 87,
    "ImageOrientationPatientDICOM": [
      1,
      0,
      2.77556e-17,
      0,
      0.872069,
      -0.489382
    ],
    "ImageType": [
      "ORIGINAL",
      "PRIMARY",
      "M",
      "ND",
      "MOSAIC"
    ],
    "InPlanePhaseEncodingDirectionDICOM": "COL",
    "InstitutionAddress": "washington_avegreenhall_BDD552_new_jersey_08544_US",
    "InstitutionName": "Princeton_University",
    "MRAcquisitionType": "2D",
    "MagneticFieldStrength": 3,
    "Manufacturer": "Siemens",
    "ManufacturersModelName": "Allegra",
    "Modality": "MR",
    "PartialFourier": 1,
    "PatientPosition": "HFS",
    "PercentPhaseFOV": 100,
    "PhaseEncodingDirection": "j-",
    "PhaseEncodingSteps": 64,
    "PhaseResolution": 1,
    "PixelBandwidth": 1420,
    "ProcedureStepDescription": "BotvinickLab_Amitai",
    "ProtocolName": "ep2d_FRG",
    "PulseSequenceDetails": "%SiemensSeq%_ep2d_bold",
    "ReceiveCoilName": "Head_3T",
    "ReconMatrixPE": 64,
    "RepetitionTime": 3,
    "SAR": 0.0506114,
    "ScanOptions": "FS",
    "ScanningSequence": "SE_EP",
    "SequenceName": "_epfid2d1_64",
    "SequenceVariant": "SK",
    "SeriesDescription": "ep2d_FRG",
    "SeriesNumber": 6,
    "ShimSetting": [
      -36,
      15,
      132,
      235,
      1778,
      1085,
      -243,
      -120
    ],
    "SliceThickness": 3,
    "SoftwareVersions": "syngo_MR_2004A_4VA25A",
    "SpacingBetweenSlices": 3,
    "StationName": "MRC20413",
    "TaskName": "forage-engage decision task",
    "TxRefAmp": 172.463,
    "dataset": "ds001923",
    "modality": "bold",
    "run_id": 2,
    "subject_id": "14",
    "task_id": "forage"
  },
  "dummy_trs": 0,
  "dvars_nstd": 31.69703765695098,
  "dvars_std": 1.1924718015607976,
  "dvars_vstd": 0.9844109170417426,
  "efc": 0.6003872012686723,
  "fber": 1073.7664794921875,
  "fd_mean": 0.08173923480743138,
  "fd_num": 34,
  "fd_perc": 6.159420289855072,
  "fwhm_avg": 1.8067500977889772,
  "fwhm_x": 1.72884,
  "fwhm_y": 1.876470149128449,
  "fwhm_z": 1.8149401442384834,
  "gcor": 0.0265863,
  "gsr_x": -0.005871517118066549,
  "gsr_y": 0.04453137889504433,
  "provenance": {
    "md5sum": "2b0d178332a9d7c48c75bd013c39bf32",
    "settings": {
      "fd_thres": 0.2,
      "testing": false
    },
    "software": "mriqc",
    "version": "22.0.6",
    "webapi_port": null,
    "webapi_url": "https://mriqc.nimh.nih.gov/api/v1"
  },
  "size_t": 552,
  "size_x": 64,
  "size_y": 64,
  "size_z": 43,
  "snr": 5.222731053152422,
  "spacing_tr": 3.0,
  "spacing_x": 3.0,
  "spacing_y": 2.999999761581421,
  "spacing_z": 2.999999761581421,
  "summary_bg_k": 22.283537560650174,
  "summary_bg_mad": 12.996941782384118,
  "summary_bg_mean": 45.22904586791992,
  "summary_bg_median": 20.090579986572266,
  "summary_bg_n": 91129.0,
  "summary_bg_p05": 10.67934799194336,
  "summary_bg_p95": 160.1699279785155,
  "summary_bg_stdv": 66.10413360595703,
  "summary_fg_k": 3.1031902654532857,
  "summary_fg_mad": 116.78180049216088,
  "summary_fg_mean": 715.9380493164062,
  "summary_fg_median": 701.8478393554688,
  "summary_fg_n": 45389.0,
  "summary_fg_p05": 530.86630859375,
  "summary_fg_p95": 934.8670654296875,
  "summary_fg_stdv": 134.38182067871094,
  "tsnr": 52.149875222705305
}