{
  "aor": 0.0002131504424778761,
  "aqi": 0.01176170803539823,
  "bids_meta": {
    "AcquisitionMatrixPE": 64,
    "AcquisitionNumber": 1,
    "AcquisitionTime": "16:49:26.892480",
    "BaseResolution": 64,
    "ConversionSoftware": "dcm2niix",
    "ConversionSoftwareVersion": "v1.0.20180518 GCC4.8.5",
    "DeviceSerialNumber": "20413",
    "EchoTime": 0.03,
    "FlipAngle": 87,
    "ImageOrientationPatientDICOM": [
      1,
      0,
      2.77556e-17,
      0,
      0.872069,
      -0.489382
    ],
    "ImageType": [
      "ORIGINAL",
      "PRIMARY",
      "M",
      "ND",
      "MOSAIC"
    ],
    "InPlanePhaseEncodingDirectionDICOM": "COL",
    "InstitutionAddress": "washington_avegreenhall_BDD552_new_jersey_08544_US",
    "InstitutionName": "Princeton_University",
    "MRAcquisitionType": "2D",
    "MagneticFieldStrength": 3,
    "Manufacturer": "Siemens",
    "ManufacturersModelName": "Allegra",
    "Modality": "MR",
    "PartialFourier": 1,
    "PatientPosition": "HFS",
    "PercentPhaseFOV": 100,
    "PhaseEncodingDirection": "j-",
    "PhaseEncodingSteps": 64,
    "PhaseResolution": 1,
    "PixelBandwidth": 1420,
    "ProcedureStepDescription": "BotvinickLab_Amitai",
    "ProtocolName": "ep2d_FRG",
    "PulseSequenceDetails": "%SiemensSeq%_ep2d_bold",
    "ReceiveCoilName": "Head_3T",
    "ReconMatrixPE": 64,
    "RepetitionTime": 3,
    "SAR": 0.0506114,
    "ScanOptions": "FS",
    "ScanningSequence": "SE_EP",
    "SequenceName": "_epfid2d1_64",
    "SequenceVariant": "SK",
    "SeriesDescription": "ep2d_FRG",
    "SeriesNumber": 7,
    "ShimSetting": [
      -36,
      15,
      132,
      235,
      1778,
      1085,
      -243,
      -120
    ],
    "SliceThickness": 3,
    "SoftwareVersions": "syngo_MR_2004A_4VA25A",
    "SpacingBetweenSlices": 3,
    "StationName": "MRC20413",
    "TaskName": "forage-engage decision task",
    "TxRefAmp": 172.463,
    "dataset": "ds001923",
    "modality": "bold",
    "run_id": 3,
    "subject_id": "14",
    "task_id": "forage"
  },
  "dummy_trs": 1,
  "dvars_nstd": 28.34075765393618,
  "dvars_std": 1.1005043473581564,
  "dvars_vstd": 0.9587463959574467,
  "efc": 0.6008746875677637,
  "fber": 1059.799560546875,
  "fd_mean": 0.055773546015515235,
  "fd_num": 8,
  "fd_perc": 1.415929203539823,
  "fwhm_avg": 1.8212589876390464,
  "fwhm_x": 1.7360833333333332,
  "fwhm_y": 1.891513483657319,
  "fwhm_z": 1.836180145926487,
  "gcor": 0.00963928,
  "gsr_x": -0.006868570577353239,
  "gsr_y": 0.045696042478084564,
  "provenance": {
    "md5sum": "8b03114807c4a8021055493552a9cced",
    "settings": {
      "fd_thres": 0.2,
      "testing": false
    },
    "software": "mriqc",
    "version": "22.0.6",
    "webapi_port": null,
    "webapi_url": "https://mriqc.nimh.nih.gov/api/v1"
  },
  "size_t": 565,
  "size_x": 64,
  "size_y": 64,
  "size_z": 43,
  "snr": 5.228451046913463,
  "spacing_tr": 3.0,
  "spacing_x": 3.0,
  "spacing_y": 2.999999761581421,
  "spacing_z": 2.999999761581421,
  "summary_bg_k": 22.308600025680718,
  "summary_bg_mad": 13.2502652838531,
  "summary_bg_mean": 45.27949905395508,
  "summary_bg_median": 20.252212524414062,
  "summary_bg_n": 91048.0,
  "summary_bg_p05": 10.587610244750977,
  "summary_bg_p95": 158.70043945312463,
  "summary_bg_stdv": 65.8393783569336,
  "summary_fg_k": 3.037855632825024,
  "summary_fg_mad": 116.86315177355961,
  "summary_fg_mean": 714.552734375,
  "summary_fg_median": 701.0831909179688,
  "summary_fg_n": 45475.0,
  "summary_fg_p05": 527.8539733886719,
  "summary_fg_p95": 933.0495605468748,
  "summary_fg_stdv": 134.08856201171875,
  "tsnr": 47.66592174384277
}