{
  "aor": 0.0016677055449330785,
  "aqi": 0.02798044397705545,
  "bids_meta": {
    "AcquisitionMatrixPE": 64,
    "AcquisitionNumber": 1,
    "AcquisitionTime": "16:32:45.340000",
    "BaseResolution": 64,
    "ConversionSoftware": "dcm2niix",
    "ConversionSoftwareVersion": "v1.0.20180518 GCC4.8.5",
    "DeviceSerialNumber": "20413",
    "EchoTime": 0.03,
    "FlipAngle": 87,
    "ImageOrientationPatientDICOM": [
      1,
      2.22045e-16,
      -2.77556e-17,
      -2.22045e-16,
      0.95882,
      -0.284015
    ],
    "ImageType": [
      "ORIGINAL",
      "PRIMARY",
      "M",
      "ND",
      "MOSAIC"
    ],
    "InPlanePhaseEncodingDirectionDICOM": "COL",
    "InstitutionAddress": "washington_avegreenhall_BDD552_new_jersey_08544_US",
    "InstitutionName": "Princeton_University",
    "MRAcquisitionType": "2D",
    "MagneticFieldStrength": 3,
    "Manufacturer": "Siemens",
    "ManufacturersModelName": "Allegra",
    "Modality": "MR",
    "PartialFourier": 1,
    "PatientPosition": "HFS",
    "PercentPhaseFOV": 100,
    "PhaseEncodingDirection": "j-",
    "PhaseEncodingSteps": 64,
    "PhaseResolution": 1,
    "PixelBandwidth": 1420,
    "ProcedureStepDescription": "BotvinickLab_Amitai",
    "ProtocolName": "ep2d_FRG",
    "PulseSequenceDetails": "%SiemensSeq%_ep2d_bold",
    "ReceiveCoilName": "Head_3T",
    "ReconMatrixPE": 64,
    "RepetitionTime": 3,
    "SAR": 0.0460763,
    "ScanOptions": "FS",
    "ScanningSequence": "SE_EP",
    "SequenceName": "_epfid2d1_64",
    "SequenceVariant": "SK",
    "SeriesDescription": "ep2d_FRG",
    "SeriesNumber": 5,
    "ShimSetting": [
      -28,
      -5,
      119,
      290,
      1642,
      914,
      -331,
      -148
    ],
    "SliceThickness": 3,
    "SoftwareVersions": "syngo_MR_2004A_4VA25A",
    "SpacingBetweenSlices": 3,
    "StationName": "MRC20413",
    "TaskName": "forage-engage decision task",
    "TxRefAmp": 161.99,
    "dataset": "ds001923",
    "modality": "bold",
    "run_id": 2,
    "subject_id": "06",
    "task_id": "forage"
  },
  "dummy_trs": 0,
  "dvars_nstd": 44.49794897189656,
  "dvars_std": 1.0866339976628354,
  "dvars_vstd": 0.9733931997126433,
  "efc": 0.5564735088276189,
  "fber": 1456.0750732421875,
  "fd_mean": 0.5836075274227739,
  "fd_num": 459,
  "fd_perc": 87.76290630975143,
  "fwhm_avg": 1.9698433333333334,
  "fwhm_x": 1.86546,
  "fwhm_y": 2.0822566666666664,
  "fwhm_z": 1.9618133333333334,
  "gcor": 0.0490311,
  "gsr_x": -0.013398959301412106,
  "gsr_y": 0.05529257655143738,
  "provenance": {
    "md5sum": "32c0517d5b1bf37d58ca3b80d07dd39d",
    "settings": {
      "fd_thres": 0.2,
      "testing": false
    },
    "software": "mriqc",
    "version": "22.0.6",
    "webapi_port": null,
    "webapi_url": "https://mriqc.nimh.nih.gov/api/v1"
  },
  "size_t": 523,
  "size_x": 64,
  "size_y": 64,
  "size_z": 43,
  "snr": 5.206169501609554,
  "spacing_tr": 3.0,
  "spacing_x": 3.0,
  "spacing_y": 3.0,
  "spacing_z": 3.0,
  "summary_bg_k": 27.6846882538198,
  "summary_bg_mad": 11.181881807033367,
  "summary_bg_mean": 41.5529670715332,
  "summary_bg_median": 17.54015350341797,
  "summary_bg_n": 100792.0,
  "summary_bg_p05": 9.074569702148438,
  "summary_bg_p95": 144.98288879394525,
  "summary_bg_stdv": 65.0670394897461,
  "summary_fg_k": 2.398010593462267,
  "summary_fg_mad": 116.99517793547365,
  "summary_fg_mean": 720.5675659179688,
  "summary_fg_median": 703.9732055664062,
  "summary_fg_n": 37695.0,
  "summary_fg_p05": 528.28583984375,
  "summary_fg_p95": 939.5795288085936,
  "summary_fg_stdv": 135.2172393798828,
  "tsnr": 28.83206246024929
}