{
  "aor": 0.0007277777777777777,
  "aqi": 0.02080358006472492,
  "bids_meta": {
    "AcquisitionMatrixPE": 64,
    "AcquisitionNumber": 1,
    "AcquisitionTime": "16:54:0.172510",
    "BaseResolution": 64,
    "ConversionSoftware": "dcm2niix",
    "ConversionSoftwareVersion": "v1.0.20180518 GCC4.8.5",
    "DeviceSerialNumber": "20413",
    "EchoTime": 0.03,
    "FlipAngle": 87,
    "ImageOrientationPatientDICOM": [
      1,
      0,
      -1.38778e-17,
      0,
      0.978867,
      -0.204496
    ],
    "ImageType": [
      "ORIGINAL",
      "PRIMARY",
      "M",
      "ND",
      "MOSAIC"
    ],
    "InPlanePhaseEncodingDirectionDICOM": "COL",
    "InstitutionAddress": "washington_avegreenhall_BDD552_new_jersey_08544_US",
    "InstitutionName": "Princeton_University",
    "MRAcquisitionType": "2D",
    "MagneticFieldStrength": 3,
    "Manufacturer": "Siemens",
    "ManufacturersModelName": "Allegra",
    "Modality": "MR",
    "PartialFourier": 1,
    "PatientPosition": "HFS",
    "PercentPhaseFOV": 100,
    "PhaseEncodingDirection": "j-",
    "PhaseEncodingSteps": 64,
    "PhaseResolution": 1,
    "PixelBandwidth": 1420,
    "ProcedureStepDescription": "BotvinickLab_Amitai",
    "ProtocolName": "ep2d_FRG",
    "PulseSequenceDetails": "%SiemensSeq%_ep2d_bold",
    "ReceiveCoilName": "Head_3T",
    "ReconMatrixPE": 64,
    "RepetitionTime": 3,
    "SAR": 0.0462973,
    "ScanOptions": "FS",
    "ScanningSequence": "SE_EP",
    "SequenceName": "_epfid2d1_64",
    "SequenceVariant": "SK",
    "SeriesDescription": "ep2d_FRG",
    "SeriesNumber": 5,
    "ShimSetting": [
      -26,
      -7,
      115,
      359,
      1617,
      667,
      -230,
      -210
    ],
    "SliceThickness": 3,
    "SoftwareVersions": "syngo_MR_2004A_4VA25A",
    "SpacingBetweenSlices": 3,
    "StationName": "MRC20413",
    "TaskName": "forage-engage decision task",
    "TxRefAmp": 154.904,
    "dataset": "ds001923",
    "modality": "bold",
    "run_id": 2,
    "subject_id": "01",
    "task_id": "forage"
  },
  "dummy_trs": 0,
  "dvars_nstd": 29.11855995475163,
  "dvars_std": 1.0254869620626348,
  "dvars_vstd": 0.946603222105833,
  "efc": 0.5478602876557037,
  "fber": 1298.8214111328125,
  "fd_mean": 0.22853773456864349,
  "fd_num": 359,
  "fd_perc": 38.72707659115426,
  "fwhm_avg": 1.9436233333333333,
  "fwhm_x": 1.8528966666666669,
  "fwhm_y": 2.0331233333333336,
  "fwhm_z": 1.94485,
  "gcor": 0.0111896,
  "gsr_x": -0.012830624356865883,
  "gsr_y": 0.04426119104027748,
  "provenance": {
    "md5sum": "1731e0a268983998bd8a4c3613e9c0be",
    "settings": {
      "fd_thres": 0.2,
      "testing": false
    },
    "software": "mriqc",
    "version": "22.0.6",
    "webapi_port": null,
    "webapi_url": "https://mriqc.nimh.nih.gov/api/v1"
  },
  "size_t": 927,
  "size_x": 64,
  "size_y": 64,
  "size_z": 43,
  "snr": 5.3241595735896565,
  "spacing_tr": 3.0,
  "spacing_x": 3.0,
  "spacing_y": 3.0,
  "spacing_z": 3.0,
  "summary_bg_k": 28.924252383756738,
  "summary_bg_mad": 13.704874387726157,
  "summary_bg_mean": 44.86153793334961,
  "summary_bg_median": 19.01510238647461,
  "summary_bg_n": 103664.0,
  "summary_bg_p05": 8.412081718444824,
  "summary_bg_p95": 162.6532318115234,
  "summary_bg_stdv": 71.5114517211914,
  "summary_fg_k": 1.5034984601749146,
  "summary_fg_mad": 117.54780560566492,
  "summary_fg_mean": 715.465087890625,
  "summary_fg_median": 707.7939453125,
  "summary_fg_n": 34863.0,
  "summary_fg_p05": 499.1972717285156,
  "summary_fg_p95": 931.9415161132813,
  "summary_fg_stdv": 132.93812561035156,
  "tsnr": 33.5954085389385
}