{
  "aor": 0.0012386621315192742,
  "aqi": 0.02448042448979592,
  "bids_meta": {
    "AcquisitionMatrixPE": 64,
    "AcquisitionNumber": 1,
    "AcquisitionTime": "17:52:56.287510",
    "BaseResolution": 64,
    "ConversionSoftware": "dcm2niix",
    "ConversionSoftwareVersion": "v1.0.20180518 GCC4.8.5",
    "DeviceSerialNumber": "20413",
    "EchoTime": 0.03,
    "FlipAngle": 87,
    "ImageOrientationPatientDICOM": [
      1,
      0,
      0,
      0,
      0.94721,
      -0.320613
    ],
    "ImageType": [
      "ORIGINAL",
      "PRIMARY",
      "M",
      "ND",
      "MOSAIC"
    ],
    "InPlanePhaseEncodingDirectionDICOM": "COL",
    "InstitutionAddress": "washington_avegreenhall_BDD552_new_jersey_08544_US",
    "InstitutionName": "Princeton_University",
    "MRAcquisitionType": "2D",
    "MagneticFieldStrength": 3,
    "Manufacturer": "Siemens",
    "ManufacturersModelName": "Allegra",
    "Modality": "MR",
    "PartialFourier": 1,
    "PatientPosition": "HFS",
    "PercentPhaseFOV": 100,
    "PhaseEncodingDirection": "j-",
    "PhaseEncodingSteps": 64,
    "PhaseResolution": 1,
    "PixelBandwidth": 1420,
    "ProcedureStepDescription": "BotvinickLab_Amitai",
    "ProtocolName": "ep2d_FRG",
    "PulseSequenceDetails": "%SiemensSeq%_ep2d_bold",
    "ReceiveCoilName": "Head_3T",
    "ReconMatrixPE": 64,
    "RepetitionTime": 3,
    "SAR": 0.0463366,
    "ScanOptions": "FS",
    "ScanningSequence": "SE_EP",
    "SequenceName": "_epfid2d1_64",
    "SequenceVariant": "SK",
    "SeriesDescription": "ep2d_FRG",
    "SeriesNumber": 7,
    "ShimSetting": [
      -32,
      -14,
      121,
      450,
      1658,
      785,
      -239,
      -216
    ],
    "SliceThickness": 3,
    "SoftwareVersions": "syngo_MR_2004A_4VA25A",
    "SpacingBetweenSlices": 3,
    "StationName": "MRC20413",
    "TaskName": "forage-engage decision task",
    "TxRefAmp": 156.526,
    "dataset": "ds001923",
    "modality": "bold",
    "run_id": 3,
    "subject_id": "01",
    "task_id": "forage"
  },
  "dummy_trs": 0,
  "dvars_nstd": 32.38377068842223,
  "dvars_std": 1.028875945471056,
  "dvars_vstd": 0.9483662257775246,
  "efc": 0.5419443269244741,
  "fber": 1430.0257568359375,
  "fd_mean": 0.2952708839490922,
  "fd_num": 398,
  "fd_perc": 45.12471655328798,
  "fwhm_avg": 1.912538888888889,
  "fwhm_x": 1.81447,
  "fwhm_y": 1.9759166666666665,
  "fwhm_z": 1.94723,
  "gcor": 0.014373,
  "gsr_x": -0.006909027695655823,
  "gsr_y": 0.030783044174313545,
  "provenance": {
    "md5sum": "bd101b1be4c22bfbfdff5902dee986ad",
    "settings": {
      "fd_thres": 0.2,
      "testing": false
    },
    "software": "mriqc",
    "version": "22.0.6",
    "webapi_port": null,
    "webapi_url": "https://mriqc.nimh.nih.gov/api/v1"
  },
  "size_t": 882,
  "size_x": 64,
  "size_y": 64,
  "size_z": 43,
  "snr": 5.453117278364334,
  "spacing_tr": 3.0,
  "spacing_x": 3.0,
  "spacing_y": 3.0,
  "spacing_z": 3.0,
  "summary_bg_k": 36.10792406264669,
  "summary_bg_mad": 12.697093254593797,
  "summary_bg_mean": 41.539520263671875,
  "summary_bg_median": 18.31802749633789,
  "summary_bg_n": 104146.0,
  "summary_bg_p05": 8.189342498779297,
  "summary_bg_p95": 142.1513671875,
  "summary_bg_stdv": 67.20885467529297,
  "summary_fg_k": 1.515292532007499,
  "summary_fg_mad": 116.39603796423796,
  "summary_fg_mean": 719.6371459960938,
  "summary_fg_median": 711.0850830078125,
  "summary_fg_n": 34612.0,
  "summary_fg_p05": 514.4065246582031,
  "summary_fg_p95": 932.6825561523438,
  "summary_fg_stdv": 130.39785766601562,
  "tsnr": 31.331393007421866
}