{
  "aor": 0.0012982592592592592,
  "aqi": 0.00925814361111111,
  "bids_meta": {
    "AcquisitionMatrixPE": 64,
    "AcquisitionNumber": 1,
    "AcquisitionTime": "16:58:41.035000",
    "BaseResolution": 64,
    "ConversionSoftware": "dcm2niix",
    "ConversionSoftwareVersion": "v1.0.20180518 GCC4.8.5",
    "DeviceSerialNumber": "20413",
    "EchoTime": 0.03,
    "FlipAngle": 87,
    "ImageOrientationPatientDICOM": [
      1,
      -1.11022e-16,
      0,
      1.11022e-16,
      0.898028,
      -0.439939
    ],
    "ImageType": [
      "ORIGINAL",
      "PRIMARY",
      "M",
      "ND",
      "MOSAIC"
    ],
    "InPlanePhaseEncodingDirectionDICOM": "COL",
    "InstitutionAddress": "washington_avegreenhall_BDD552_new_jersey_08544_US",
    "InstitutionName": "Princeton_University",
    "MRAcquisitionType": "2D",
    "MagneticFieldStrength": 3,
    "Manufacturer": "Siemens",
    "ManufacturersModelName": "Allegra",
    "Modality": "MR",
    "PartialFourier": 1,
    "PatientPosition": "HFS",
    "PercentPhaseFOV": 100,
    "PhaseEncodingDirection": "j-",
    "PhaseEncodingSteps": 64,
    "PhaseResolution": 1,
    "PixelBandwidth": 1420,
    "ProcedureStepDescription": "BotvinickLab_Amitai",
    "ProtocolName": "ep2d_FRG",
    "PulseSequenceDetails": "%SiemensSeq%_ep2d_bold",
    "ReceiveCoilName": "Head_3T",
    "ReconMatrixPE": 64,
    "RepetitionTime": 3,
    "SAR": 0.0505928,
    "ScanOptions": "FS",
    "ScanningSequence": "SE_EP",
    "SequenceName": "_epfid2d1_64",
    "SequenceVariant": "SK",
    "SeriesDescription": "ep2d_FRG",
    "SeriesNumber": 6,
    "ShimSetting": [
      -33,
      2,
      135,
      433,
      1728,
      949,
      -324,
      -214
    ],
    "SliceThickness": 3,
    "SoftwareVersions": "syngo_MR_2004A_4VA25A",
    "SpacingBetweenSlices": 3,
    "StationName": "MRC20413",
    "TaskName": "forage-engage decision task",
    "TxRefAmp": 156.726,
    "dataset": "ds001923",
    "modality": "bold",
    "run_id": 3,
    "subject_id": "10",
    "task_id": "forage"
  },
  "dummy_trs": 0,
  "dvars_nstd": 30.5240429292208,
  "dvars_std": 1.1872547765862704,
  "dvars_vstd": 0.9960503808163266,
  "efc": 0.5616392646506339,
  "fber": 1613.37548828125,
  "fd_mean": 0.1309356303018821,
  "fd_num": 79,
  "fd_perc": 14.62962962962963,
  "fwhm_avg": 1.757958888888889,
  "fwhm_x": 1.6875,
  "fwhm_y": 1.7910000000000001,
  "fwhm_z": 1.7953766666666666,
  "gcor": 0.0180395,
  "gsr_x": -0.017444239929318428,
  "gsr_y": 0.04699288681149483,
  "provenance": {
    "md5sum": "55a5e08f879f381671de39e4ac1c7bf2",
    "settings": {
      "fd_thres": 0.2,
      "testing": false
    },
    "software": "mriqc",
    "version": "22.0.6",
    "webapi_port": null,
    "webapi_url": "https://mriqc.nimh.nih.gov/api/v1"
  },
  "size_t": 540,
  "size_x": 64,
  "size_y": 64,
  "size_z": 43,
  "snr": 4.74063479878069,
  "spacing_tr": 3.0,
  "spacing_x": 3.0,
  "spacing_y": 3.0,
  "spacing_z": 3.0,
  "summary_bg_k": 33.159039644067335,
  "summary_bg_mad": 9.653386584293209,
  "summary_bg_mean": 40.322261810302734,
  "summary_bg_median": 16.648147583007812,
  "summary_bg_n": 98327.0,
  "summary_bg_p05": 9.527777671813965,
  "summary_bg_p95": 140.20648040771482,
  "summary_bg_stdv": 68.74089050292969,
  "summary_fg_k": 2.1735407882823887,
  "summary_fg_mad": 128.64868112769594,
  "summary_fg_mean": 721.1032104492188,
  "summary_fg_median": 701.4573974609375,
  "summary_fg_n": 39819.0,
  "summary_fg_p05": 525.3057250976562,
  "summary_fg_p95": 979.1545959472654,
  "summary_fg_stdv": 147.96511840820312,
  "tsnr": 50.005269336979836
}