{
  "aor": 0.0010199810246679316,
  "aqi": 0.013840110227703987,
  "bids_meta": {
    "AcquisitionMatrixPE": 64,
    "AcquisitionNumber": 1,
    "AcquisitionTime": "16:01:3.487510",
    "BaseResolution": 64,
    "ConversionSoftware": "dcm2niix",
    "ConversionSoftwareVersion": "v1.0.20180518 GCC4.8.5",
    "DeviceSerialNumber": "20413",
    "EchoTime": 0.03,
    "FlipAngle": 87,
    "ImageOrientationPatientDICOM": [
      1,
      -1.11022e-16,
      0,
      1.11022e-16,
      0.898028,
      -0.439939
    ],
    "ImageType": [
      "ORIGINAL",
      "PRIMARY",
      "M",
      "ND",
      "MOSAIC"
    ],
    "InPlanePhaseEncodingDirectionDICOM": "COL",
    "InstitutionAddress": "washington_avegreenhall_BDD552_new_jersey_08544_US",
    "InstitutionName": "Princeton_University",
    "MRAcquisitionType": "2D",
    "MagneticFieldStrength": 3,
    "Manufacturer": "Siemens",
    "ManufacturersModelName": "Allegra",
    "Modality": "MR",
    "PartialFourier": 1,
    "PatientPosition": "HFS",
    "PercentPhaseFOV": 100,
    "PhaseEncodingDirection": "j-",
    "PhaseEncodingSteps": 64,
    "PhaseResolution": 1,
    "PixelBandwidth": 1420,
    "ProcedureStepDescription": "BotvinickLab_Amitai",
    "ProtocolName": "ep2d_FRG",
    "PulseSequenceDetails": "%SiemensSeq%_ep2d_bold",
    "ReceiveCoilName": "Head_3T",
    "ReconMatrixPE": 64,
    "RepetitionTime": 3,
    "SAR": 0.0505928,
    "ScanOptions": "FS",
    "ScanningSequence": "SE_EP",
    "SequenceName": "_epfid2d1_64",
    "SequenceVariant": "SK",
    "SeriesDescription": "ep2d_FRG",
    "SeriesNumber": 4,
    "ShimSetting": [
      -33,
      2,
      135,
      433,
      1728,
      949,
      -324,
      -214
    ],
    "SliceThickness": 3,
    "SoftwareVersions": "syngo_MR_2004A_4VA25A",
    "SpacingBetweenSlices": 3,
    "StationName": "MRC20413",
    "TaskName": "forage-engage decision task",
    "TxRefAmp": 156.726,
    "dataset": "ds001923",
    "modality": "bold",
    "run_id": 1,
    "subject_id": "10",
    "task_id": "forage"
  },
  "dummy_trs": 1,
  "dvars_nstd": 29.818115883365042,
  "dvars_std": 1.1334249408555128,
  "dvars_vstd": 0.9625625564448663,
  "efc": 0.5569420196671331,
  "fber": 1693.7279052734375,
  "fd_mean": 0.12535811975887204,
  "fd_num": 71,
  "fd_perc": 13.472485768500949,
  "fwhm_avg": 1.7760388888888892,
  "fwhm_x": 1.71225,
  "fwhm_y": 1.8100866666666666,
  "fwhm_z": 1.8057800000000002,
  "gcor": 0.021109,
  "gsr_x": -0.015346870757639408,
  "gsr_y": 0.04459694027900696,
  "provenance": {
    "md5sum": "f4bdb80ce1ebafd1e0cd8fdee62e1707",
    "settings": {
      "fd_thres": 0.2,
      "testing": false
    },
    "software": "mriqc",
    "version": "22.0.6",
    "webapi_port": null,
    "webapi_url": "https://mriqc.nimh.nih.gov/api/v1"
  },
  "size_t": 527,
  "size_x": 64,
  "size_y": 64,
  "size_z": 43,
  "snr": 4.740717685227545,
  "spacing_tr": 3.0,
  "spacing_x": 3.0,
  "spacing_y": 3.0,
  "spacing_z": 3.0,
  "summary_bg_k": 37.09370143551715,
  "summary_bg_mad": 9.356990848305857,
  "summary_bg_mean": 37.68630599975586,
  "summary_bg_median": 16.358633041381836,
  "summary_bg_n": 98815.0,
  "summary_bg_p05": 9.064516067504883,
  "summary_bg_p95": 125.96205139160156,
  "summary_bg_stdv": 63.476531982421875,
  "summary_fg_k": 2.010562871639957,
  "summary_fg_mad": 129.32116393939174,
  "summary_fg_mean": 721.0699462890625,
  "summary_fg_median": 700.8150024414062,
  "summary_fg_n": 39476.0,
  "summary_fg_p05": 523.6669769287109,
  "summary_fg_p95": 979.9468536376953,
  "summary_fg_stdv": 147.82701110839844,
  "tsnr": 43.230342116672546
}