{
  "aor": 0.0011870323741007196,
  "aqi": 0.009360820287769783,
  "bids_meta": {
    "AcquisitionMatrixPE": 64,
    "AcquisitionNumber": 1,
    "AcquisitionTime": "16:29:12.147510",
    "BaseResolution": 64,
    "ConversionSoftware": "dcm2niix",
    "ConversionSoftwareVersion": "v1.0.20180518 GCC4.8.5",
    "DeviceSerialNumber": "20413",
    "EchoTime": 0.03,
    "FlipAngle": 87,
    "ImageOrientationPatientDICOM": [
      1,
      -1.11022e-16,
      0,
      1.11022e-16,
      0.898028,
      -0.439939
    ],
    "ImageType": [
      "ORIGINAL",
      "PRIMARY",
      "M",
      "ND",
      "MOSAIC"
    ],
    "InPlanePhaseEncodingDirectionDICOM": "COL",
    "InstitutionAddress": "washington_avegreenhall_BDD552_new_jersey_08544_US",
    "InstitutionName": "Princeton_University",
    "MRAcquisitionType": "2D",
    "MagneticFieldStrength": 3,
    "Manufacturer": "Siemens",
    "ManufacturersModelName": "Allegra",
    "Modality": "MR",
    "PartialFourier": 1,
    "PatientPosition": "HFS",
    "PercentPhaseFOV": 100,
    "PhaseEncodingDirection": "j-",
    "PhaseEncodingSteps": 64,
    "PhaseResolution": 1,
    "PixelBandwidth": 1420,
    "ProcedureStepDescription": "BotvinickLab_Amitai",
    "ProtocolName": "ep2d_FRG",
    "PulseSequenceDetails": "%SiemensSeq%_ep2d_bold",
    "ReceiveCoilName": "Head_3T",
    "ReconMatrixPE": 64,
    "RepetitionTime": 3,
    "SAR": 0.0505928,
    "ScanOptions": "FS",
    "ScanningSequence": "SE_EP",
    "SequenceName": "_epfid2d1_64",
    "SequenceVariant": "SK",
    "SeriesDescription": "ep2d_FRG",
    "SeriesNumber": 5,
    "ShimSetting": [
      -33,
      2,
      135,
      433,
      1728,
      949,
      -324,
      -214
    ],
    "SliceThickness": 3,
    "SoftwareVersions": "syngo_MR_2004A_4VA25A",
    "SpacingBetweenSlices": 3,
    "StationName": "MRC20413",
    "TaskName": "forage-engage decision task",
    "TxRefAmp": 156.726,
    "dataset": "ds001923",
    "modality": "bold",
    "run_id": 2,
    "subject_id": "10",
    "task_id": "forage"
  },
  "dummy_trs": 1,
  "dvars_nstd": 30.546174401729722,
  "dvars_std": 1.190984793117117,
  "dvars_vstd": 0.996613443387387,
  "efc": 0.5599675459262942,
  "fber": 1619.4296875,
  "fd_mean": 0.1348280127257715,
  "fd_num": 78,
  "fd_perc": 14.028776978417266,
  "fwhm_avg": 1.7578333333333334,
  "fwhm_x": 1.6886599999999998,
  "fwhm_y": 1.7930400000000002,
  "fwhm_z": 1.7918,
  "gcor": 0.0232896,
  "gsr_x": -0.017004216089844704,
  "gsr_y": 0.04714343324303627,
  "provenance": {
    "md5sum": "993c62f7e8d8cd5485a412f75a525df8",
    "settings": {
      "fd_thres": 0.2,
      "testing": false
    },
    "software": "mriqc",
    "version": "22.0.6",
    "webapi_port": null,
    "webapi_url": "https://mriqc.nimh.nih.gov/api/v1"
  },
  "size_t": 556,
  "size_x": 64,
  "size_y": 64,
  "size_z": 43,
  "snr": 4.74314576340174,
  "spacing_tr": 3.0,
  "spacing_x": 3.0,
  "spacing_y": 3.0,
  "spacing_z": 3.0,
  "summary_bg_k": 35.12739436429655,
  "summary_bg_mad": 10.111561593541815,
  "summary_bg_mean": 39.356605529785156,
  "summary_bg_median": 16.7230224609375,
  "summary_bg_n": 98471.0,
  "summary_bg_p05": 8.95683479309082,
  "summary_bg_p95": 135.23651123046875,
  "summary_bg_stdv": 67.10830688476562,
  "summary_fg_k": 2.1029046502179254,
  "summary_fg_mad": 128.5251611064398,
  "summary_fg_mean": 722.20263671875,
  "summary_fg_median": 702.1781005859375,
  "summary_fg_n": 39713.0,
  "summary_fg_p05": 525.7014404296875,
  "summary_fg_p95": 980.5654907226564,
  "summary_fg_stdv": 148.03872680664062,
  "tsnr": 49.017883487278596
}