{
  "aor": 0.004065988372093023,
  "aqi": 0.02729287808139535,
  "bids_meta": {
    "AcquisitionMatrixPE": 64,
    "AcquisitionNumber": 1,
    "AcquisitionTime": "17:41:23.467490",
    "BaseResolution": 64,
    "ConversionSoftware": "dcm2niix",
    "ConversionSoftwareVersion": "v1.0.20180518 GCC4.8.5",
    "DeviceSerialNumber": "20413",
    "EchoTime": 0.03,
    "FlipAngle": 87,
    "ImageOrientationPatientDICOM": [
      1,
      0,
      0,
      0,
      0.791224,
      -0.611527
    ],
    "ImageType": [
      "ORIGINAL",
      "PRIMARY",
      "M",
      "ND",
      "MOSAIC"
    ],
    "InPlanePhaseEncodingDirectionDICOM": "COL",
    "InstitutionAddress": "washington_avegreenhall_BDD552_new_jersey_08544_US",
    "InstitutionName": "Princeton_University",
    "MRAcquisitionType": "2D",
    "MagneticFieldStrength": 3,
    "Manufacturer": "Siemens",
    "ManufacturersModelName": "Allegra",
    "Modality": "MR",
    "PartialFourier": 1,
    "PatientPosition": "HFS",
    "PercentPhaseFOV": 100,
    "PhaseEncodingDirection": "j-",
    "PhaseEncodingSteps": 64,
    "PhaseResolution": 1,
    "PixelBandwidth": 1420,
    "ProcedureStepDescription": "BotvinickLab_Amitai",
    "ProtocolName": "ep2d_FRG",
    "PulseSequenceDetails": "%SiemensSeq%_ep2d_bold",
    "ReceiveCoilName": "Head_3T",
    "ReconMatrixPE": 64,
    "RepetitionTime": 3,
    "SAR": 0.0627498,
    "ScanOptions": "FS",
    "ScanningSequence": "SE_EP",
    "SequenceName": "_epfid2d1_64",
    "SequenceVariant": "SK",
    "SeriesDescription": "ep2d_FRG",
    "SeriesNumber": 5,
    "ShimSetting": [
      -41,
      21,
      143,
      492,
      1772,
      1274,
      -326,
      -248
    ],
    "SliceThickness": 3,
    "SoftwareVersions": "syngo_MR_2004A_4VA25A",
    "SpacingBetweenSlices": 3,
    "StationName": "MRC20413",
    "TaskName": "forage-engage decision task",
    "TxRefAmp": 170.694,
    "dataset": "ds001923",
    "modality": "bold",
    "run_id": 2,
    "subject_id": "11",
    "task_id": "forage"
  },
  "dummy_trs": 0,
  "dvars_nstd": 37.52990807454366,
  "dvars_std": 1.1367699365242725,
  "dvars_vstd": 0.989843589631068,
  "efc": 0.5936714297323634,
  "fber": 1069.6978759765625,
  "fd_mean": 0.3573674340493994,
  "fd_num": 255,
  "fd_perc": 49.41860465116279,
  "fwhm_avg": 1.8202422222222223,
  "fwhm_x": 1.7986733333333333,
  "fwhm_y": 1.8296633333333334,
  "fwhm_z": 1.83239,
  "gcor": 0.027288,
  "gsr_x": 0.007438995409756899,
  "gsr_y": 0.03552395850419998,
  "provenance": {
    "md5sum": "c276a32e82a69310614eddf0efde5867",
    "settings": {
      "fd_thres": 0.2,
      "testing": false
    },
    "software": "mriqc",
    "version": "22.0.6",
    "webapi_port": null,
    "webapi_url": "https://mriqc.nimh.nih.gov/api/v1"
  },
  "size_t": 516,
  "size_x": 64,
  "size_y": 64,
  "size_z": 43,
  "snr": 5.87608340254479,
  "spacing_tr": 3.0,
  "spacing_x": 3.0,
  "spacing_y": 3.0,
  "spacing_z": 3.0,
  "summary_bg_k": 42.86319512345924,
  "summary_bg_mad": 15.702366760771405,
  "summary_bg_mean": 51.04454040527344,
  "summary_bg_median": 21.994186401367188,
  "summary_bg_n": 93959.0,
  "summary_bg_p05": 10.246124267578125,
  "summary_bg_p95": 185.53333129882793,
  "summary_bg_stdv": 76.23094940185547,
  "summary_fg_k": 1.9589787717536167,
  "summary_fg_mad": 118.35249556099092,
  "summary_fg_mean": 757.77294921875,
  "summary_fg_median": 746.088134765625,
  "summary_fg_n": 42992.0,
  "summary_fg_p05": 576.5708374023437,
  "summary_fg_p95": 970.2853729248046,
  "summary_fg_stdv": 126.96883392333984,
  "tsnr": 31.692958507919684
}