{
  "aor": 0.0012660536398467431,
  "aqi": 0.029419207662835248,
  "bids_meta": {
    "AcquisitionMatrixPE": 64,
    "AcquisitionNumber": 1,
    "AcquisitionTime": "18:08:46.067520",
    "BaseResolution": 64,
    "ConversionSoftware": "dcm2niix",
    "ConversionSoftwareVersion": "v1.0.20180518 GCC4.8.5",
    "DeviceSerialNumber": "20413",
    "EchoTime": 0.03,
    "FlipAngle": 87,
    "ImageOrientationPatientDICOM": [
      1,
      0,
      0,
      0,
      0.791224,
      -0.611527
    ],
    "ImageType": [
      "ORIGINAL",
      "PRIMARY",
      "M",
      "ND",
      "MOSAIC"
    ],
    "InPlanePhaseEncodingDirectionDICOM": "COL",
    "InstitutionAddress": "washington_avegreenhall_BDD552_new_jersey_08544_US",
    "InstitutionName": "Princeton_University",
    "MRAcquisitionType": "2D",
    "MagneticFieldStrength": 3,
    "Manufacturer": "Siemens",
    "ManufacturersModelName": "Allegra",
    "Modality": "MR",
    "PartialFourier": 1,
    "PatientPosition": "HFS",
    "PercentPhaseFOV": 100,
    "PhaseEncodingDirection": "j-",
    "PhaseEncodingSteps": 64,
    "PhaseResolution": 1,
    "PixelBandwidth": 1420,
    "ProcedureStepDescription": "BotvinickLab_Amitai",
    "ProtocolName": "ep2d_FRG",
    "PulseSequenceDetails": "%SiemensSeq%_ep2d_bold",
    "ReceiveCoilName": "Head_3T",
    "ReconMatrixPE": 64,
    "RepetitionTime": 3,
    "SAR": 0.0627498,
    "ScanOptions": "FS",
    "ScanningSequence": "SE_EP",
    "SequenceName": "_epfid2d1_64",
    "SequenceVariant": "SK",
    "SeriesDescription": "ep2d_FRG",
    "SeriesNumber": 6,
    "ShimSetting": [
      -41,
      21,
      143,
      492,
      1772,
      1274,
      -326,
      -248
    ],
    "SliceThickness": 3,
    "SoftwareVersions": "syngo_MR_2004A_4VA25A",
    "SpacingBetweenSlices": 3,
    "StationName": "MRC20413",
    "TaskName": "forage-engage decision task",
    "TxRefAmp": 170.694,
    "dataset": "ds001923",
    "modality": "bold",
    "run_id": 3,
    "subject_id": "11",
    "task_id": "forage"
  },
  "dummy_trs": 1,
  "dvars_nstd": 32.48171537629559,
  "dvars_std": 1.0720521555086382,
  "dvars_vstd": 0.9614133074280226,
  "efc": 0.5890852923256266,
  "fber": 1212.163818359375,
  "fd_mean": 0.31662154041236124,
  "fd_num": 263,
  "fd_perc": 50.383141762452105,
  "fwhm_avg": 1.8343044444444445,
  "fwhm_x": 1.8204033333333334,
  "fwhm_y": 1.86499,
  "fwhm_z": 1.81752,
  "gcor": 0.01602,
  "gsr_x": 0.01191699132323265,
  "gsr_y": 0.04811149835586548,
  "provenance": {
    "md5sum": "91f11bbcfb8877219f6341a74e0c0c1c",
    "settings": {
      "fd_thres": 0.2,
      "testing": false
    },
    "software": "mriqc",
    "version": "22.0.6",
    "webapi_port": null,
    "webapi_url": "https://mriqc.nimh.nih.gov/api/v1"
  },
  "size_t": 522,
  "size_x": 64,
  "size_y": 64,
  "size_z": 43,
  "snr": 5.907926523548233,
  "spacing_tr": 3.0,
  "spacing_x": 3.0,
  "spacing_y": 3.0,
  "spacing_z": 3.0,
  "summary_bg_k": 38.14009942752166,
  "summary_bg_mad": 15.709335970761918,
  "summary_bg_mean": 52.0247917175293,
  "summary_bg_median": 21.48467445373535,
  "summary_bg_n": 95292.0,
  "summary_bg_p05": 9.26819896697998,
  "summary_bg_p95": 193.06684799194335,
  "summary_bg_stdv": 78.2026596069336,
  "summary_fg_k": 1.760061401121673,
  "summary_fg_mad": 120.52821250683071,
  "summary_fg_mean": 767.3958129882812,
  "summary_fg_median": 755.3639526367188,
  "summary_fg_n": 42571.0,
  "summary_fg_p05": 585.9473266601562,
  "summary_fg_p95": 981.3572387695312,
  "summary_fg_stdv": 127.8545150756836,
  "tsnr": 31.51823242753744
}