{
  "aor": 0.0011731801470588235,
  "aqi": 0.024875784558823527,
  "bids_meta": {
    "AcquisitionMatrixPE": 64,
    "AcquisitionNumber": 1,
    "AcquisitionTime": "17:12:31.470010",
    "BaseResolution": 64,
    "ConversionSoftware": "dcm2niix",
    "ConversionSoftwareVersion": "v1.0.20180518 GCC4.8.5",
    "DeviceSerialNumber": "20413",
    "EchoTime": 0.03,
    "FlipAngle": 87,
    "ImageOrientationPatientDICOM": [
      1,
      0,
      0,
      0,
      0.791224,
      -0.611527
    ],
    "ImageType": [
      "ORIGINAL",
      "PRIMARY",
      "M",
      "ND",
      "MOSAIC"
    ],
    "InPlanePhaseEncodingDirectionDICOM": "COL",
    "InstitutionAddress": "washington_avegreenhall_BDD552_new_jersey_08544_US",
    "InstitutionName": "Princeton_University",
    "MRAcquisitionType": "2D",
    "MagneticFieldStrength": 3,
    "Manufacturer": "Siemens",
    "ManufacturersModelName": "Allegra",
    "Modality": "MR",
    "PartialFourier": 1,
    "PatientPosition": "HFS",
    "PercentPhaseFOV": 100,
    "PhaseEncodingDirection": "j-",
    "PhaseEncodingSteps": 64,
    "PhaseResolution": 1,
    "PixelBandwidth": 1420,
    "ProcedureStepDescription": "BotvinickLab_Amitai",
    "ProtocolName": "ep2d_FRG",
    "PulseSequenceDetails": "%SiemensSeq%_ep2d_bold",
    "ReceiveCoilName": "Head_3T",
    "ReconMatrixPE": 64,
    "RepetitionTime": 3,
    "SAR": 0.0627498,
    "ScanOptions": "FS",
    "ScanningSequence": "SE_EP",
    "SequenceName": "_epfid2d1_64",
    "SequenceVariant": "SK",
    "SeriesDescription": "ep2d_FRG",
    "SeriesNumber": 4,
    "ShimSetting": [
      -41,
      21,
      143,
      492,
      1772,
      1274,
      -326,
      -248
    ],
    "SliceThickness": 3,
    "SoftwareVersions": "syngo_MR_2004A_4VA25A",
    "SpacingBetweenSlices": 3,
    "StationName": "MRC20413",
    "TaskName": "forage-engage decision task",
    "TxRefAmp": 170.694,
    "dataset": "ds001923",
    "modality": "bold",
    "run_id": 1,
    "subject_id": "11",
    "task_id": "forage"
  },
  "dummy_trs": 2,
  "dvars_nstd": 32.64353847674034,
  "dvars_std": 1.0702439415101281,
  "dvars_vstd": 0.9196092283977899,
  "efc": 0.5970752611564488,
  "fber": 1008.0147705078125,
  "fd_mean": 0.13964383269336325,
  "fd_num": 77,
  "fd_perc": 14.154411764705882,
  "fwhm_avg": 1.8365155555555555,
  "fwhm_x": 1.7960033333333334,
  "fwhm_y": 1.8493166666666667,
  "fwhm_z": 1.8642266666666665,
  "gcor": 0.0247564,
  "gsr_x": 0.0029177048709243536,
  "gsr_y": 0.03863679617643356,
  "provenance": {
    "md5sum": "e7ceb366351fc82d8a9a6eeaf8700997",
    "settings": {
      "fd_thres": 0.2,
      "testing": false
    },
    "software": "mriqc",
    "version": "22.0.6",
    "webapi_port": null,
    "webapi_url": "https://mriqc.nimh.nih.gov/api/v1"
  },
  "size_t": 544,
  "size_x": 64,
  "size_y": 64,
  "size_z": 43,
  "snr": 5.896215717836346,
  "spacing_tr": 3.0,
  "spacing_x": 3.0,
  "spacing_y": 3.0,
  "spacing_z": 3.0,
  "summary_bg_k": 39.96395608785587,
  "summary_bg_mad": 15.79625385385117,
  "summary_bg_mean": 51.75440216064453,
  "summary_bg_median": 22.233455657958984,
  "summary_bg_n": 93059.0,
  "summary_bg_p05": 10.630331230163575,
  "summary_bg_p95": 192.0251892089841,
  "summary_bg_stdv": 77.843994140625,
  "summary_fg_k": 1.7334949912584436,
  "summary_fg_mad": 116.92939108166178,
  "summary_fg_mean": 745.9512329101562,
  "summary_fg_median": 734.5919189453125,
  "summary_fg_n": 43363.0,
  "summary_fg_p05": 566.1400756835938,
  "summary_fg_p95": 953.5955810546875,
  "summary_fg_stdv": 124.58557891845703,
  "tsnr": 34.12828815809917
}