{
  "aor": 0.001628678899082569,
  "aqi": 0.0157889063853211,
  "bids_meta": {
    "AcquisitionMatrixPE": 64,
    "AcquisitionNumber": 1,
    "AcquisitionTime": "17:11:47.762500",
    "BaseResolution": 64,
    "ConversionSoftware": "dcm2niix",
    "ConversionSoftwareVersion": "v1.0.20180518 GCC4.8.5",
    "DeviceSerialNumber": "20413",
    "EchoTime": 0.03,
    "FlipAngle": 87,
    "ImageOrientationPatientDICOM": [
      1,
      0,
      2.77556e-17,
      0,
      0.934826,
      -0.355107
    ],
    "ImageType": [
      "ORIGINAL",
      "PRIMARY",
      "M",
      "ND",
      "MOSAIC"
    ],
    "InPlanePhaseEncodingDirectionDICOM": "COL",
    "InstitutionAddress": "washington_avegreenhall_BDD552_new_jersey_08544_US",
    "InstitutionName": "Princeton_University",
    "MRAcquisitionType": "2D",
    "MagneticFieldStrength": 3,
    "Manufacturer": "Siemens",
    "ManufacturersModelName": "Allegra",
    "Modality": "MR",
    "PartialFourier": 1,
    "PatientPosition": "HFS",
    "PercentPhaseFOV": 100,
    "PhaseEncodingDirection": "j-",
    "PhaseEncodingSteps": 64,
    "PhaseResolution": 1,
    "PixelBandwidth": 1420,
    "ProcedureStepDescription": "BotvinickLab_Amitai",
    "ProtocolName": "ep2d_FRG",
    "PulseSequenceDetails": "%SiemensSeq%_ep2d_bold",
    "ReceiveCoilName": "Head_3T",
    "ReconMatrixPE": 64,
    "RepetitionTime": 3,
    "SAR": 0.0408293,
    "ScanOptions": "FS",
    "ScanningSequence": "SE_EP",
    "SequenceName": "_epfid2d1_64",
    "SequenceVariant": "SK",
    "SeriesDescription": "ep2d_FRG",
    "SeriesNumber": 5,
    "ShimSetting": [
      -29,
      12,
      143,
      5,
      1641,
      871,
      -251,
      -183
    ],
    "SliceThickness": 3,
    "SoftwareVersions": "syngo_MR_2004A_4VA25A",
    "SpacingBetweenSlices": 3,
    "StationName": "MRC20413",
    "TaskName": "forage-engage decision task",
    "TxRefAmp": 178.369,
    "dataset": "ds001923",
    "modality": "bold",
    "run_id": 2,
    "subject_id": "03",
    "task_id": "forage"
  },
  "dummy_trs": 0,
  "dvars_nstd": 30.813262778235313,
  "dvars_std": 1.0878200348529408,
  "dvars_vstd": 1.0049719352205886,
  "efc": 0.5855272491716764,
  "fber": 957.2314453125,
  "fd_mean": 0.23221994140434704,
  "fd_num": 266,
  "fd_perc": 48.80733944954128,
  "fwhm_avg": 1.771238888888889,
  "fwhm_x": 1.7241066666666667,
  "fwhm_y": 1.923,
  "fwhm_z": 1.6666100000000001,
  "gcor": 0.016261,
  "gsr_x": 0.0007065774407237768,
  "gsr_y": 0.04481310769915581,
  "provenance": {
    "md5sum": "16c340d5f3693a8f641fe9bac55567e4",
    "settings": {
      "fd_thres": 0.2,
      "testing": false
    },
    "software": "mriqc",
    "version": "22.0.6",
    "webapi_port": null,
    "webapi_url": "https://mriqc.nimh.nih.gov/api/v1"
  },
  "size_t": 545,
  "size_x": 64,
  "size_y": 64,
  "size_z": 43,
  "snr": 5.796993499163422,
  "spacing_tr": 3.0,
  "spacing_x": 3.0,
  "spacing_y": 3.0,
  "spacing_z": 3.0,
  "summary_bg_k": 27.29458211003129,
  "summary_bg_mad": 16.239256091257978,
  "summary_bg_mean": 49.35820770263672,
  "summary_bg_median": 22.2027530670166,
  "summary_bg_n": 96688.0,
  "summary_bg_p05": 10.011009216308594,
  "summary_bg_p95": 176.82412643432605,
  "summary_bg_stdv": 71.27733612060547,
  "summary_fg_k": 3.5897822713303533,
  "summary_fg_mad": 103.89644524912582,
  "summary_fg_mean": 717.9561767578125,
  "summary_fg_median": 709.7935791015625,
  "summary_fg_n": 40550.0,
  "summary_fg_p05": 538.0211181640625,
  "summary_fg_p95": 910.9555084228514,
  "summary_fg_stdv": 122.4401626586914,
  "tsnr": 42.129923275788315
}