{
  "aor": 0.004793882725832014,
  "aqi": 0.014294638621236134,
  "bids_meta": {
    "AcquisitionMatrixPE": 64,
    "AcquisitionNumber": 1,
    "AcquisitionTime": "11:50:22.372510",
    "BaseResolution": 64,
    "ConversionSoftware": "dcm2niix",
    "ConversionSoftwareVersion": "v1.0.20180518 GCC4.8.5",
    "DeviceSerialNumber": "20413",
    "EchoTime": 0.03,
    "FlipAngle": 87,
    "ImageOrientationPatientDICOM": [
      1,
      -1.11022e-16,
      0,
      1.11022e-16,
      0.894934,
      -0.446198
    ],
    "ImageType": [
      "ORIGINAL",
      "PRIMARY",
      "M",
      "ND",
      "MOSAIC"
    ],
    "InPlanePhaseEncodingDirectionDICOM": "COL",
    "InstitutionAddress": "washington_avegreenhall_BDD552_new_jersey_08544_US",
    "InstitutionName": "Princeton_University",
    "MRAcquisitionType": "2D",
    "MagneticFieldStrength": 3,
    "Manufacturer": "Siemens",
    "ManufacturersModelName": "Allegra",
    "Modality": "MR",
    "PartialFourier": 1,
    "PatientPosition": "HFS",
    "PercentPhaseFOV": 100,
    "PhaseEncodingDirection": "j-",
    "PhaseEncodingSteps": 64,
    "PhaseResolution": 1,
    "PixelBandwidth": 1420,
    "ProcedureStepDescription": "BotvinickLab_Amitai",
    "ProtocolName": "ep2d_FRG",
    "PulseSequenceDetails": "%SiemensSeq%_ep2d_bold",
    "ReceiveCoilName": "Head_3T",
    "ReconMatrixPE": 64,
    "RepetitionTime": 3,
    "SAR": 0.0553196,
    "ScanOptions": "FS",
    "ScanningSequence": "SE_EP",
    "SequenceName": "_epfid2d1_64",
    "SequenceVariant": "SK",
    "SeriesDescription": "ep2d_FRG",
    "SeriesNumber": 4,
    "ShimSetting": [
      -21,
      27,
      175,
      331,
      2045,
      1543,
      -20,
      -98
    ],
    "SliceThickness": 3,
    "SoftwareVersions": "syngo_MR_2004A_4VA25A",
    "SpacingBetweenSlices": 3,
    "StationName": "MRC20413",
    "TaskName": "forage-engage decision task",
    "TxRefAmp": 161.184,
    "dataset": "ds001923",
    "modality": "bold",
    "run_id": 1,
    "subject_id": "12",
    "task_id": "forage"
  },
  "dummy_trs": 0,
  "dvars_nstd": 34.845692425793644,
  "dvars_std": 1.230850780190477,
  "dvars_vstd": 1.032069819698412,
  "efc": 0.5571370238189827,
  "fber": 1271.1302490234375,
  "fd_mean": 0.17697158497093604,
  "fd_num": 145,
  "fd_perc": 22.979397781299525,
  "fwhm_avg": 2.0892222222222223,
  "fwhm_x": 2.101523333333333,
  "fwhm_y": 2.1461,
  "fwhm_z": 2.020043333333333,
  "gcor": 0.0310484,
  "gsr_x": -0.010048037394881248,
  "gsr_y": 0.032852597534656525,
  "provenance": {
    "md5sum": "9d9d55e7187019e73288f03dafc12090",
    "settings": {
      "fd_thres": 0.2,
      "testing": false
    },
    "software": "mriqc",
    "version": "22.0.6",
    "webapi_port": null,
    "webapi_url": "https://mriqc.nimh.nih.gov/api/v1"
  },
  "size_t": 631,
  "size_x": 64,
  "size_y": 64,
  "size_z": 43,
  "snr": 4.538455665935454,
  "spacing_tr": 3.0,
  "spacing_x": 3.0,
  "spacing_y": 3.0,
  "spacing_z": 3.0,
  "summary_bg_k": 35.37520238538272,
  "summary_bg_mad": 10.958567336369558,
  "summary_bg_mean": 37.678245544433594,
  "summary_bg_median": 18.0950870513916,
  "summary_bg_n": 98806.0,
  "summary_bg_p05": 9.906497955322266,
  "summary_bg_p95": 130.26506423950195,
  "summary_bg_stdv": 55.44188690185547,
  "summary_fg_k": 2.723223285141419,
  "summary_fg_mad": 135.0037635986084,
  "summary_fg_mean": 702.0618896484375,
  "summary_fg_median": 684.9841918945312,
  "summary_fg_n": 38515.0,
  "summary_fg_p05": 495.92283935546874,
  "summary_fg_p95": 964.3710327148435,
  "summary_fg_stdv": 150.9269561767578,
  "tsnr": 38.6610543448478
}