{
  "aor": 0.001596883116883117,
  "aqi": 0.011571589703153988,
  "bids_meta": {
    "AcquisitionMatrixPE": 64,
    "AcquisitionNumber": 1,
    "AcquisitionTime": "12:23:36.510000",
    "BaseResolution": 64,
    "ConversionSoftware": "dcm2niix",
    "ConversionSoftwareVersion": "v1.0.20180518 GCC4.8.5",
    "DeviceSerialNumber": "20413",
    "EchoTime": 0.03,
    "FlipAngle": 87,
    "ImageOrientationPatientDICOM": [
      1,
      -1.11022e-16,
      0,
      1.11022e-16,
      0.894934,
      -0.446198
    ],
    "ImageType": [
      "ORIGINAL",
      "PRIMARY",
      "M",
      "ND",
      "MOSAIC"
    ],
    "InPlanePhaseEncodingDirectionDICOM": "COL",
    "InstitutionAddress": "washington_avegreenhall_BDD552_new_jersey_08544_US",
    "InstitutionName": "Princeton_University",
    "MRAcquisitionType": "2D",
    "MagneticFieldStrength": 3,
    "Manufacturer": "Siemens",
    "ManufacturersModelName": "Allegra",
    "Modality": "MR",
    "PartialFourier": 1,
    "PatientPosition": "HFS",
    "PercentPhaseFOV": 100,
    "PhaseEncodingDirection": "j-",
    "PhaseEncodingSteps": 64,
    "PhaseResolution": 1,
    "PixelBandwidth": 1420,
    "ProcedureStepDescription": "BotvinickLab_Amitai",
    "ProtocolName": "ep2d_FRG",
    "PulseSequenceDetails": "%SiemensSeq%_ep2d_bold",
    "ReceiveCoilName": "Head_3T",
    "ReconMatrixPE": 64,
    "RepetitionTime": 3,
    "SAR": 0.0553196,
    "ScanOptions": "FS",
    "ScanningSequence": "SE_EP",
    "SequenceName": "_epfid2d1_64",
    "SequenceVariant": "SK",
    "SeriesDescription": "ep2d_FRG",
    "SeriesNumber": 5,
    "ShimSetting": [
      -21,
      27,
      175,
      331,
      2045,
      1543,
      -20,
      -98
    ],
    "SliceThickness": 3,
    "SoftwareVersions": "syngo_MR_2004A_4VA25A",
    "SpacingBetweenSlices": 3,
    "StationName": "MRC20413",
    "TaskName": "forage-engage decision task",
    "TxRefAmp": 161.184,
    "dataset": "ds001923",
    "modality": "bold",
    "run_id": 2,
    "subject_id": "12",
    "task_id": "forage"
  },
  "dummy_trs": 1,
  "dvars_nstd": 35.923723834033424,
  "dvars_std": 1.241047973643124,
  "dvars_vstd": 1.0013125382899624,
  "efc": 0.5536387485465947,
  "fber": 1370.2908935546875,
  "fd_mean": 0.18038234992038055,
  "fd_num": 116,
  "fd_perc": 21.521335807050093,
  "fwhm_avg": 2.0068266666666665,
  "fwhm_x": 2.0224733333333336,
  "fwhm_y": 2.047686666666667,
  "fwhm_z": 1.9503199999999998,
  "gcor": 0.0284751,
  "gsr_x": -0.007084175944328308,
  "gsr_y": 0.03047373704612255,
  "provenance": {
    "md5sum": "c8ea56dc7cb661a83ffb9bd9b5b49362",
    "settings": {
      "fd_thres": 0.2,
      "testing": false
    },
    "software": "mriqc",
    "version": "22.0.6",
    "webapi_port": null,
    "webapi_url": "https://mriqc.nimh.nih.gov/api/v1"
  },
  "size_t": 539,
  "size_x": 64,
  "size_y": 64,
  "size_z": 43,
  "snr": 4.673006261544103,
  "spacing_tr": 3.0,
  "spacing_x": 3.0,
  "spacing_y": 3.0,
  "spacing_z": 3.0,
  "summary_bg_k": 41.272895945931566,
  "summary_bg_mad": 10.826570866768318,
  "summary_bg_mean": 36.88818359375,
  "summary_bg_median": 17.784786224365234,
  "summary_bg_n": 99303.0,
  "summary_bg_p05": 9.582560539245605,
  "summary_bg_p95": 125.76938705444333,
  "summary_bg_stdv": 55.516231536865234,
  "summary_fg_k": 2.122593282817605,
  "summary_fg_mad": 137.10079874336236,
  "summary_fg_mean": 715.3345336914062,
  "summary_fg_median": 699.4063110351562,
  "summary_fg_n": 38151.0,
  "summary_fg_p05": 507.013916015625,
  "summary_fg_p95": 975.0027770996094,
  "summary_fg_stdv": 149.66749572753906,
  "tsnr": 44.02053370315116
}