{
  "aor": 0.0008246456692913386,
  "aqi": 0.009048166141732284,
  "bids_meta": {
    "AcquisitionMatrixPE": 64,
    "AcquisitionNumber": 1,
    "AcquisitionTime": "12:51:56.192510",
    "BaseResolution": 64,
    "ConversionSoftware": "dcm2niix",
    "ConversionSoftwareVersion": "v1.0.20180518 GCC4.8.5",
    "DeviceSerialNumber": "20413",
    "EchoTime": 0.03,
    "FlipAngle": 87,
    "ImageOrientationPatientDICOM": [
      1,
      -1.11022e-16,
      0,
      1.11022e-16,
      0.894934,
      -0.446198
    ],
    "ImageType": [
      "ORIGINAL",
      "PRIMARY",
      "M",
      "ND",
      "MOSAIC"
    ],
    "InPlanePhaseEncodingDirectionDICOM": "COL",
    "InstitutionAddress": "washington_avegreenhall_BDD552_new_jersey_08544_US",
    "InstitutionName": "Princeton_University",
    "MRAcquisitionType": "2D",
    "MagneticFieldStrength": 3,
    "Manufacturer": "Siemens",
    "ManufacturersModelName": "Allegra",
    "Modality": "MR",
    "PartialFourier": 1,
    "PatientPosition": "HFS",
    "PercentPhaseFOV": 100,
    "PhaseEncodingDirection": "j-",
    "PhaseEncodingSteps": 64,
    "PhaseResolution": 1,
    "PixelBandwidth": 1420,
    "ProcedureStepDescription": "BotvinickLab_Amitai",
    "ProtocolName": "ep2d_FRG",
    "PulseSequenceDetails": "%SiemensSeq%_ep2d_bold",
    "ReceiveCoilName": "Head_3T",
    "ReconMatrixPE": 64,
    "RepetitionTime": 3,
    "SAR": 0.0553196,
    "ScanOptions": "FS",
    "ScanningSequence": "SE_EP",
    "SequenceName": "_epfid2d1_64",
    "SequenceVariant": "SK",
    "SeriesDescription": "ep2d_FRG",
    "SeriesNumber": 6,
    "ShimSetting": [
      -21,
      27,
      175,
      331,
      2045,
      1543,
      -20,
      -98
    ],
    "SliceThickness": 3,
    "SoftwareVersions": "syngo_MR_2004A_4VA25A",
    "SpacingBetweenSlices": 3,
    "StationName": "MRC20413",
    "TaskName": "forage-engage decision task",
    "TxRefAmp": 161.184,
    "dataset": "ds001923",
    "modality": "bold",
    "run_id": 3,
    "subject_id": "12",
    "task_id": "forage"
  },
  "dummy_trs": 0,
  "dvars_nstd": 34.061430526568046,
  "dvars_std": 1.2533084122682452,
  "dvars_vstd": 0.9881639687968444,
  "efc": 0.5534073827907326,
  "fber": 1415.1357421875,
  "fd_mean": 0.11832864800860224,
  "fd_num": 46,
  "fd_perc": 9.05511811023622,
  "fwhm_avg": 1.9973466666666668,
  "fwhm_x": 2.013596666666667,
  "fwhm_y": 2.03863,
  "fwhm_z": 1.9398133333333334,
  "gcor": 0.0148388,
  "gsr_x": -0.006210772320628166,
  "gsr_y": 0.029625289142131805,
  "provenance": {
    "md5sum": "4f99a5a1a80069947a8069fc70518a72",
    "settings": {
      "fd_thres": 0.2,
      "testing": false
    },
    "software": "mriqc",
    "version": "22.0.6",
    "webapi_port": null,
    "webapi_url": "https://mriqc.nimh.nih.gov/api/v1"
  },
  "size_t": 508,
  "size_x": 64,
  "size_y": 64,
  "size_z": 43,
  "snr": 4.677954451918255,
  "spacing_tr": 3.0,
  "spacing_x": 3.0,
  "spacing_y": 3.0,
  "spacing_z": 3.0,
  "summary_bg_k": 41.02691683860295,
  "summary_bg_mad": 10.389888850229351,
  "summary_bg_mean": 36.73218536376953,
  "summary_bg_median": 17.533464431762695,
  "summary_bg_n": 99348.0,
  "summary_bg_p05": 9.964567184448242,
  "summary_bg_p95": 123.6957683563231,
  "summary_bg_stdv": 55.793983459472656,
  "summary_fg_k": 2.0365642204325054,
  "summary_fg_mad": 138.07900491902433,
  "summary_fg_mean": 718.3474731445312,
  "summary_fg_median": 702.43994140625,
  "summary_fg_n": 38156.0,
  "summary_fg_p05": 508.24112701416016,
  "summary_fg_p95": 977.9188079833984,
  "summary_fg_stdv": 150.1576690673828,
  "tsnr": 51.382738236454315
}