{
  "aor": 0.0015048062953995156,
  "aqi": 0.0277985588377724,
  "bids_meta": {
    "AcquisitionMatrixPE": 64,
    "AcquisitionNumber": 1,
    "AcquisitionTime": "10:49:47.137520",
    "BaseResolution": 64,
    "ConversionSoftware": "dcm2niix",
    "ConversionSoftwareVersion": "v1.0.20180518 GCC4.8.5",
    "DeviceSerialNumber": "20413",
    "EchoTime": 0.03,
    "FlipAngle": 87,
    "ImageOrientationPatientDICOM": [
      1,
      -1.11022e-16,
      0,
      1.11022e-16,
      0.919135,
      -0.393942
    ],
    "ImageType": [
      "ORIGINAL",
      "PRIMARY",
      "M",
      "ND",
      "MOSAIC"
    ],
    "InPlanePhaseEncodingDirectionDICOM": "COL",
    "InstitutionAddress": "washington_avegreenhall_BDD552_new_jersey_08544_US",
    "InstitutionName": "Princeton_University",
    "MRAcquisitionType": "2D",
    "MagneticFieldStrength": 3,
    "Manufacturer": "Siemens",
    "ManufacturersModelName": "Allegra",
    "Modality": "MR",
    "PartialFourier": 1,
    "PatientPosition": "HFS",
    "PercentPhaseFOV": 100,
    "PhaseEncodingDirection": "j-",
    "PhaseEncodingSteps": 64,
    "PhaseResolution": 1,
    "PixelBandwidth": 1420,
    "ProcedureStepDescription": "BotvinickLab_Amitai",
    "ProtocolName": "ep2d_FRG",
    "PulseSequenceDetails": "%SiemensSeq%_ep2d_bold",
    "ReceiveCoilName": "Head_3T",
    "ReconMatrixPE": 64,
    "RepetitionTime": 3,
    "SAR": 0.0486017,
    "ScanOptions": "FS",
    "ScanningSequence": "SE_EP",
    "SequenceName": "_epfid2d1_64",
    "SequenceVariant": "SK",
    "SeriesDescription": "ep2d_FRG",
    "SeriesNumber": 5,
    "ShimSetting": [
      -32,
      8,
      146,
      221,
      1628,
      1017,
      -187,
      -173
    ],
    "SliceThickness": 3,
    "SoftwareVersions": "syngo_MR_2004A_4VA25A",
    "SpacingBetweenSlices": 3,
    "StationName": "MRC20413",
    "TaskName": "forage-engage decision task",
    "TxRefAmp": 168.906,
    "dataset": "ds001923",
    "modality": "bold",
    "run_id": 2,
    "subject_id": "05",
    "task_id": "forage"
  },
  "dummy_trs": 0,
  "dvars_nstd": 33.7775717046788,
  "dvars_std": 1.092362367648484,
  "dvars_vstd": 0.9472591589333339,
  "efc": 0.5870397955764648,
  "fber": 1230.7064208984375,
  "fd_mean": 0.2621544697386458,
  "fd_num": 378,
  "fd_perc": 45.76271186440678,
  "fwhm_avg": 1.79378,
  "fwhm_x": 1.6650533333333335,
  "fwhm_y": 1.89334,
  "fwhm_z": 1.8229466666666667,
  "gcor": 0.0381075,
  "gsr_x": -0.008937482722103596,
  "gsr_y": 0.06559662520885468,
  "provenance": {
    "md5sum": "771a14a421513dd1ac801e747e5e2427",
    "settings": {
      "fd_thres": 0.2,
      "testing": false
    },
    "software": "mriqc",
    "version": "22.0.6",
    "webapi_port": null,
    "webapi_url": "https://mriqc.nimh.nih.gov/api/v1"
  },
  "size_t": 826,
  "size_x": 64,
  "size_y": 64,
  "size_z": 43,
  "snr": 5.473586735576725,
  "spacing_tr": 3.0,
  "spacing_x": 3.0,
  "spacing_y": 3.0,
  "spacing_z": 3.0,
  "summary_bg_k": 29.227236202940283,
  "summary_bg_mad": 14.538836721715901,
  "summary_bg_mean": 50.506927490234375,
  "summary_bg_median": 20.891042709350586,
  "summary_bg_n": 94716.0,
  "summary_bg_p05": 9.802663803100586,
  "summary_bg_p95": 179.6970443725586,
  "summary_bg_stdv": 71.13507080078125,
  "summary_fg_k": 1.9748836885263472,
  "summary_fg_mad": 132.2675010324968,
  "summary_fg_mean": 771.2979736328125,
  "summary_fg_median": 756.5000610351562,
  "summary_fg_n": 42193.0,
  "summary_fg_p05": 581.6482055664062,
  "summary_fg_p95": 1001.9545410156251,
  "summary_fg_stdv": 138.2075653076172,
  "tsnr": 30.587446968303993
}