{
  "aor": 0.002814819494584837,
  "aqi": 0.018618081606498197,
  "bids_meta": {
    "AcquisitionMatrixPE": 64,
    "AcquisitionNumber": 1,
    "AcquisitionTime": "10:05:22.525010",
    "BaseResolution": 64,
    "ConversionSoftware": "dcm2niix",
    "ConversionSoftwareVersion": "v1.0.20180518 GCC4.8.5",
    "DeviceSerialNumber": "20413",
    "EchoTime": 0.03,
    "FlipAngle": 87,
    "ImageOrientationPatientDICOM": [
      1,
      -1.11022e-16,
      0,
      1.11022e-16,
      0.919135,
      -0.393942
    ],
    "ImageType": [
      "ORIGINAL",
      "PRIMARY",
      "M",
      "ND",
      "MOSAIC"
    ],
    "InPlanePhaseEncodingDirectionDICOM": "COL",
    "InstitutionAddress": "washington_avegreenhall_BDD552_new_jersey_08544_US",
    "InstitutionName": "Princeton_University",
    "MRAcquisitionType": "2D",
    "MagneticFieldStrength": 3,
    "Manufacturer": "Siemens",
    "ManufacturersModelName": "Allegra",
    "Modality": "MR",
    "PartialFourier": 1,
    "PatientPosition": "HFS",
    "PercentPhaseFOV": 100,
    "PhaseEncodingDirection": "j-",
    "PhaseEncodingSteps": 64,
    "PhaseResolution": 1,
    "PixelBandwidth": 1420,
    "ProcedureStepDescription": "BotvinickLab_Amitai",
    "ProtocolName": "ep2d_FRG",
    "PulseSequenceDetails": "%SiemensSeq%_ep2d_bold",
    "ReceiveCoilName": "Head_3T",
    "ReconMatrixPE": 64,
    "RepetitionTime": 3,
    "SAR": 0.0486017,
    "ScanOptions": "FS",
    "ScanningSequence": "SE_EP",
    "SequenceName": "_epfid2d1_64",
    "SequenceVariant": "SK",
    "SeriesDescription": "ep2d_FRG",
    "SeriesNumber": 4,
    "ShimSetting": [
      -32,
      8,
      146,
      221,
      1628,
      1017,
      -187,
      -173
    ],
    "SliceThickness": 3,
    "SoftwareVersions": "syngo_MR_2004A_4VA25A",
    "SpacingBetweenSlices": 3,
    "StationName": "MRC20413",
    "TaskName": "forage-engage decision task",
    "TxRefAmp": 168.906,
    "dataset": "ds001923",
    "modality": "bold",
    "run_id": 1,
    "subject_id": "05",
    "task_id": "forage"
  },
  "dummy_trs": 1,
  "dvars_nstd": 30.71710784528026,
  "dvars_std": 1.1656429965822779,
  "dvars_vstd": 1.0075433547016273,
  "efc": 0.589279814866827,
  "fber": 1204.7374267578125,
  "fd_mean": 0.18608211795818566,
  "fd_num": 187,
  "fd_perc": 33.75451263537906,
  "fwhm_avg": 1.7653311111111112,
  "fwhm_x": 1.64517,
  "fwhm_y": 1.8566966666666669,
  "fwhm_z": 1.7941266666666669,
  "gcor": 0.030573,
  "gsr_x": -0.013453114777803421,
  "gsr_y": 0.06392847746610641,
  "provenance": {
    "md5sum": "aacd1211d00c6cfb22cbb5b5c333f9d6",
    "settings": {
      "fd_thres": 0.2,
      "testing": false
    },
    "software": "mriqc",
    "version": "22.0.6",
    "webapi_port": null,
    "webapi_url": "https://mriqc.nimh.nih.gov/api/v1"
  },
  "size_t": 554,
  "size_x": 64,
  "size_y": 64,
  "size_z": 43,
  "snr": 5.441444081287968,
  "spacing_tr": 3.0,
  "spacing_x": 3.0,
  "spacing_y": 3.0,
  "spacing_z": 3.0,
  "summary_bg_k": 35.036692385717274,
  "summary_bg_mad": 14.173034497594161,
  "summary_bg_mean": 50.360496520996094,
  "summary_bg_median": 20.451263427734375,
  "summary_bg_n": 94209.0,
  "summary_bg_p05": 9.494585037231445,
  "summary_bg_p95": 178.4415100097656,
  "summary_bg_stdv": 75.30069732666016,
  "summary_fg_k": 1.8508078460098698,
  "summary_fg_mad": 131.4979667755283,
  "summary_fg_mean": 762.4512939453125,
  "summary_fg_median": 747.3411865234375,
  "summary_fg_n": 42498.0,
  "summary_fg_p05": 574.2359100341797,
  "summary_fg_p95": 992.9865386962891,
  "summary_fg_stdv": 137.3408203125,
  "tsnr": 38.67976481909864
}