{
  "aor": 0.0018007953063885265,
  "aqi": 0.028918435071707955,
  "bids_meta": {
    "AcquisitionMatrixPE": 64,
    "AcquisitionNumber": 1,
    "AcquisitionTime": "11:31:59.799980",
    "BaseResolution": 64,
    "ConversionSoftware": "dcm2niix",
    "ConversionSoftwareVersion": "v1.0.20180518 GCC4.8.5",
    "DeviceSerialNumber": "20413",
    "EchoTime": 0.03,
    "FlipAngle": 87,
    "ImageOrientationPatientDICOM": [
      1,
      -1.11022e-16,
      0,
      1.11022e-16,
      0.919135,
      -0.393942
    ],
    "ImageType": [
      "ORIGINAL",
      "PRIMARY",
      "M",
      "ND",
      "MOSAIC"
    ],
    "InPlanePhaseEncodingDirectionDICOM": "COL",
    "InstitutionAddress": "washington_avegreenhall_BDD552_new_jersey_08544_US",
    "InstitutionName": "Princeton_University",
    "MRAcquisitionType": "2D",
    "MagneticFieldStrength": 3,
    "Manufacturer": "Siemens",
    "ManufacturersModelName": "Allegra",
    "Modality": "MR",
    "PartialFourier": 1,
    "PatientPosition": "HFS",
    "PercentPhaseFOV": 100,
    "PhaseEncodingDirection": "j-",
    "PhaseEncodingSteps": 64,
    "PhaseResolution": 1,
    "PixelBandwidth": 1420,
    "ProcedureStepDescription": "BotvinickLab_Amitai",
    "ProtocolName": "ep2d_FRG",
    "PulseSequenceDetails": "%SiemensSeq%_ep2d_bold",
    "ReceiveCoilName": "Head_3T",
    "ReconMatrixPE": 64,
    "RepetitionTime": 3,
    "SAR": 0.0486017,
    "ScanOptions": "FS",
    "ScanningSequence": "SE_EP",
    "SequenceName": "_epfid2d1_64",
    "SequenceVariant": "SK",
    "SeriesDescription": "ep2d_FRG",
    "SeriesNumber": 6,
    "ShimSetting": [
      -32,
      8,
      146,
      221,
      1628,
      1017,
      -187,
      -173
    ],
    "SliceThickness": 3,
    "SoftwareVersions": "syngo_MR_2004A_4VA25A",
    "SpacingBetweenSlices": 3,
    "StationName": "MRC20413",
    "TaskName": "forage-engage decision task",
    "TxRefAmp": 168.906,
    "dataset": "ds001923",
    "modality": "bold",
    "run_id": 3,
    "subject_id": "05",
    "task_id": "forage"
  },
  "dummy_trs": 1,
  "dvars_nstd": 33.21327764484334,
  "dvars_std": 1.0082633404308108,
  "dvars_vstd": 0.9029505603133157,
  "efc": 0.5825085617837336,
  "fber": 1308.7034912109375,
  "fd_mean": 0.29352175655537316,
  "fd_num": 328,
  "fd_perc": 42.76401564537158,
  "fwhm_avg": 1.7966966666666668,
  "fwhm_x": 1.66268,
  "fwhm_y": 1.8904433333333335,
  "fwhm_z": 1.8369666666666669,
  "gcor": 0.0370551,
  "gsr_x": -0.0033839696552604437,
  "gsr_y": 0.0631609782576561,
  "provenance": {
    "md5sum": "c7764a05da02b9cc98cdb8eb18c6fb0b",
    "settings": {
      "fd_thres": 0.2,
      "testing": false
    },
    "software": "mriqc",
    "version": "22.0.6",
    "webapi_port": null,
    "webapi_url": "https://mriqc.nimh.nih.gov/api/v1"
  },
  "size_t": 767,
  "size_x": 64,
  "size_y": 64,
  "size_z": 43,
  "snr": 5.449773608850194,
  "spacing_tr": 3.0,
  "spacing_x": 3.0,
  "spacing_y": 3.0,
  "spacing_z": 3.0,
  "summary_bg_k": 23.918240444373566,
  "summary_bg_mad": 15.392387498636989,
  "summary_bg_mean": 49.70115661621094,
  "summary_bg_median": 21.148630142211914,
  "summary_bg_n": 95354.0,
  "summary_bg_p05": 9.149478483200074,
  "summary_bg_p95": 176.57542037963867,
  "summary_bg_stdv": 66.42015838623047,
  "summary_fg_k": 1.869183796912294,
  "summary_fg_mad": 133.67001884161658,
  "summary_fg_mean": 778.0330200195312,
  "summary_fg_median": 762.697509765625,
  "summary_fg_n": 41857.0,
  "summary_fg_p05": 583.9089965820312,
  "summary_fg_p95": 1012.1410522460938,
  "summary_fg_stdv": 139.94863891601562,
  "tsnr": 28.773100472055376
}