{
  "aor": 0.00040533450704225354,
  "aqi": 0.02006081707746479,
  "bids_meta": {
    "AcquisitionMatrixPE": 64,
    "AcquisitionNumber": 1,
    "AcquisitionTime": "16:40:50.800010",
    "BaseResolution": 64,
    "ConversionSoftware": "dcm2niix",
    "ConversionSoftwareVersion": "v1.0.20180518 GCC4.8.5",
    "DeviceSerialNumber": "20413",
    "EchoTime": 0.03,
    "FlipAngle": 87,
    "ImageOrientationPatientDICOM": [
      1,
      0,
      2.77556e-17,
      0,
      0.934826,
      -0.355107
    ],
    "ImageType": [
      "ORIGINAL",
      "PRIMARY",
      "M",
      "ND",
      "MOSAIC"
    ],
    "InPlanePhaseEncodingDirectionDICOM": "COL",
    "InstitutionAddress": "washington_avegreenhall_BDD552_new_jersey_08544_US",
    "InstitutionName": "Princeton_University",
    "MRAcquisitionType": "2D",
    "MagneticFieldStrength": 3,
    "Manufacturer": "Siemens",
    "ManufacturersModelName": "Allegra",
    "Modality": "MR",
    "PartialFourier": 1,
    "PatientPosition": "HFS",
    "PercentPhaseFOV": 100,
    "PhaseEncodingDirection": "j-",
    "PhaseEncodingSteps": 64,
    "PhaseResolution": 1,
    "PixelBandwidth": 1420,
    "ProcedureStepDescription": "BotvinickLab_Amitai",
    "ProtocolName": "ep2d_FRG",
    "PulseSequenceDetails": "%SiemensSeq%_ep2d_bold",
    "ReceiveCoilName": "Head_3T",
    "ReconMatrixPE": 64,
    "RepetitionTime": 3,
    "SAR": 0.0408293,
    "ScanOptions": "FS",
    "ScanningSequence": "SE_EP",
    "SequenceName": "_epfid2d1_64",
    "SequenceVariant": "SK",
    "SeriesDescription": "ep2d_FRG",
    "SeriesNumber": 4,
    "ShimSetting": [
      -29,
      12,
      143,
      5,
      1641,
      871,
      -251,
      -183
    ],
    "SliceThickness": 3,
    "SoftwareVersions": "syngo_MR_2004A_4VA25A",
    "SpacingBetweenSlices": 3,
    "StationName": "MRC20413",
    "TaskName": "forage-engage decision task",
    "TxRefAmp": 178.369,
    "dataset": "ds001923",
    "modality": "bold",
    "run_id": 1,
    "subject_id": "03",
    "task_id": "forage"
  },
  "dummy_trs": 0,
  "dvars_nstd": 32.48628966844797,
  "dvars_std": 1.0314654244973527,
  "dvars_vstd": 0.9491127663668435,
  "efc": 0.5895792322074169,
  "fber": 876.800537109375,
  "fd_mean": 0.251670987102584,
  "fd_num": 284,
  "fd_perc": 50.0,
  "fwhm_avg": 1.80786,
  "fwhm_x": 1.72837,
  "fwhm_y": 1.9544666666666668,
  "fwhm_z": 1.7407433333333333,
  "gcor": 0.0212282,
  "gsr_x": -0.00011443945550126955,
  "gsr_y": 0.04703041911125183,
  "provenance": {
    "md5sum": "440c8f8aa0c0c4469695ca40535bf430",
    "settings": {
      "fd_thres": 0.2,
      "testing": false
    },
    "software": "mriqc",
    "version": "22.0.6",
    "webapi_port": null,
    "webapi_url": "https://mriqc.nimh.nih.gov/api/v1"
  },
  "size_t": 568,
  "size_x": 64,
  "size_y": 64,
  "size_z": 43,
  "snr": 5.8842427597648115,
  "spacing_tr": 3.0,
  "spacing_x": 3.0,
  "spacing_y": 3.0,
  "spacing_z": 3.0,
  "summary_bg_k": 24.382302569544112,
  "summary_bg_mad": 16.394763216919735,
  "summary_bg_mean": 49.77726745605469,
  "summary_bg_median": 22.582746505737305,
  "summary_bg_n": 96183.0,
  "summary_bg_p05": 10.438380241394043,
  "summary_bg_p95": 181.29013366699195,
  "summary_bg_stdv": 70.95962524414062,
  "summary_fg_k": 3.960992401040909,
  "summary_fg_mad": 100.59244303952642,
  "summary_fg_mean": 703.1653442382812,
  "summary_fg_median": 693.83447265625,
  "summary_fg_n": 40897.0,
  "summary_fg_p05": 534.5584228515625,
  "summary_fg_p95": 886.9542114257812,
  "summary_fg_stdv": 117.91253662109375,
  "tsnr": 39.04182810452767
}