{
  "aor": 0.0038869884169884174,
  "aqi": 0.019669440096525097,
  "bids_meta": {
    "AcquisitionMatrixPE": 64,
    "AcquisitionNumber": 1,
    "AcquisitionTime": "17:40:38.164980",
    "BaseResolution": 64,
    "ConversionSoftware": "dcm2niix",
    "ConversionSoftwareVersion": "v1.0.20180518 GCC4.8.5",
    "DeviceSerialNumber": "20413",
    "EchoTime": 0.03,
    "FlipAngle": 87,
    "ImageOrientationPatientDICOM": [
      1,
      0,
      2.77556e-17,
      0,
      0.934826,
      -0.355107
    ],
    "ImageType": [
      "ORIGINAL",
      "PRIMARY",
      "M",
      "ND",
      "MOSAIC"
    ],
    "InPlanePhaseEncodingDirectionDICOM": "COL",
    "InstitutionAddress": "washington_avegreenhall_BDD552_new_jersey_08544_US",
    "InstitutionName": "Princeton_University",
    "MRAcquisitionType": "2D",
    "MagneticFieldStrength": 3,
    "Manufacturer": "Siemens",
    "ManufacturersModelName": "Allegra",
    "Modality": "MR",
    "PartialFourier": 1,
    "PatientPosition": "HFS",
    "PercentPhaseFOV": 100,
    "PhaseEncodingDirection": "j-",
    "PhaseEncodingSteps": 64,
    "PhaseResolution": 1,
    "PixelBandwidth": 1420,
    "ProcedureStepDescription": "BotvinickLab_Amitai",
    "ProtocolName": "ep2d_FRG",
    "PulseSequenceDetails": "%SiemensSeq%_ep2d_bold",
    "ReceiveCoilName": "Head_3T",
    "ReconMatrixPE": 64,
    "RepetitionTime": 3,
    "SAR": 0.0408293,
    "ScanOptions": "FS",
    "ScanningSequence": "SE_EP",
    "SequenceName": "_epfid2d1_64",
    "SequenceVariant": "SK",
    "SeriesDescription": "ep2d_FRG",
    "SeriesNumber": 6,
    "ShimSetting": [
      -29,
      12,
      143,
      5,
      1641,
      871,
      -251,
      -183
    ],
    "SliceThickness": 3,
    "SoftwareVersions": "syngo_MR_2004A_4VA25A",
    "SpacingBetweenSlices": 3,
    "StationName": "MRC20413",
    "TaskName": "forage-engage decision task",
    "TxRefAmp": 178.369,
    "dataset": "ds001923",
    "modality": "bold",
    "run_id": 3,
    "subject_id": "03",
    "task_id": "forage"
  },
  "dummy_trs": 0,
  "dvars_nstd": 29.465883978181807,
  "dvars_std": 1.1015310417601545,
  "dvars_vstd": 1.0437460082785304,
  "efc": 0.5851592023135794,
  "fber": 996.284423828125,
  "fd_mean": 0.22908474612520055,
  "fd_num": 257,
  "fd_perc": 49.61389961389961,
  "fwhm_avg": 1.8000444444444446,
  "fwhm_x": 1.72865,
  "fwhm_y": 1.93891,
  "fwhm_z": 1.7325733333333335,
  "gcor": 0.00745769,
  "gsr_x": 0.0032780643086880445,
  "gsr_y": 0.046066541224718094,
  "provenance": {
    "md5sum": "899126a071cc978dd8f563f81c4fd715",
    "settings": {
      "fd_thres": 0.2,
      "testing": false
    },
    "software": "mriqc",
    "version": "22.0.6",
    "webapi_port": null,
    "webapi_url": "https://mriqc.nimh.nih.gov/api/v1"
  },
  "size_t": 518,
  "size_x": 64,
  "size_y": 64,
  "size_z": 43,
  "snr": 5.911602491569738,
  "spacing_tr": 3.0,
  "spacing_x": 3.0,
  "spacing_y": 3.0,
  "spacing_z": 3.0,
  "summary_bg_k": 26.283302580697317,
  "summary_bg_mad": 15.833503567221046,
  "summary_bg_mean": 49.8548469543457,
  "summary_bg_median": 21.967180252075195,
  "summary_bg_n": 96962.0,
  "summary_bg_p05": 10.279922485351562,
  "summary_bg_p95": 180.40095596313472,
  "summary_bg_stdv": 73.7868881225586,
  "summary_fg_k": 3.6714940190369436,
  "summary_fg_mad": 102.43121727536833,
  "summary_fg_mean": 720.1535034179688,
  "summary_fg_median": 711.5501708984375,
  "summary_fg_n": 40387.0,
  "summary_fg_p05": 543.7262451171875,
  "summary_fg_p95": 908.7339477539062,
  "summary_fg_stdv": 120.36353302001953,
  "tsnr": 39.08468200347852
}